{
  "bids_meta": {
    "AcquisitionNumber": 1,
    "AcquisitionTime": "14:14:28",
    "BrainVoyagerInfo": {
      "CalculatedDicomSlice1CenterX": -86.56888580322266,
      "CalculatedDicomSlice1CenterY": -27.811843872070312,
      "CalculatedDicomSlice1CenterZ": -56.42680358886719,
      "CalculatedDicomSliceNCenterX": 88.43111419677734,
      "CalculatedDicomSliceNCenterY": -27.811843872070312,
      "CalculatedDicomSliceNCenterZ": -56.42680358886719,
      "CoordinateSystem": 1,
      "DicomColDirX": 0,
      "DicomColDirY": 0,
      "DicomColDirZ": -1,
      "DicomFoVCols": 256,
      "DicomFoVRows": 240,
      "DicomGapThickness": 0,
      "DicomNCols": 240,
      "DicomNRows": 256,
      "DicomPosInfoPresent": 1,
      "DicomRowDirX": 0,
      "DicomRowDirY": 1,
      "DicomRowDirZ": 0,
      "DicomSliceThickness": 1,
      "DocumentType": "VMR",
      "FramingCubeDim": 256,
      "MagnetPosInfosVerified": 1,
      "NrOfPastSpatialTransformations": 0,
      "NrOfPreprocessingSteps": 0,
      "OffsetX": 0,
      "OffsetY": 0,
      "OffsetZ": 0,
      "ReferenceSpace": "Native",
      "Version": 1
    },
    "ConversionSoftware": "BrainVoyager",
    "ConversionSoftwareVersion": "21.4.5.4030",
    "ImageNumber": 176,
    "ImageOrientationPatientDICOM": [
      0,
      1,
      0,
      0,
      0,
      -1
    ],
    "ImagePositionPatientDICOM": [
      88.431112647057,
      -147.31184005737,
      71.073196411133
    ],
    "ImageType": "ORIGINAL PRIMARY M ND NORM",
    "MagneticFieldStrength": 3,
    "Manufacturer": "SIEMENS",
    "ManufacturersModelName": "Prisma_fit",
    "Modality": "MR",
    "PatientPosition": "HFS",
    "RepetitionTime": 2.3,
    "SeriesDescription": "mprage_sag_p2",
    "SeriesNumber": 2,
    "SliceThickness": 1,
    "StudyDescription": "Culham^Psych_9223",
    "dataset": "ds003433",
    "modality": "T1w",
    "session_id": "01",
    "subject_id": "17"
  },
  "cjv": 0.34803399056019174,
  "cnr": 3.772408350665453,
  "efc": 0.5487036092078998,
  "fber": -1.0,
  "fwhm_avg": 3.5479800000000004,
  "fwhm_x": 3.55212,
  "fwhm_y": 3.68029,
  "fwhm_z": 3.41153,
  "icvs_csf": 0.19582736323947075,
  "icvs_gm": 0.4510484969979293,
  "icvs_wm": 0.35312413976259993,
  "inu_med": 0.5179022550582886,
  "inu_range": 0.17316944003105156,
  "provenance": {
    "md5sum": "373d50239906cf8e67643cc0ecf1f471",
    "settings": {
      "testing": false
    },
    "software": "mriqc",
    "version": "22.0.6",
    "warnings": {
      "large_rot_frame": true,
      "small_air_mask": false
    },
    "webapi_port": null,
    "webapi_url": "https://mriqc.nimh.nih.gov/api/v1"
  },
  "qi_1": 0.0,
  "qi_2": 0.016340585833479037,
  "rpve_csf": 20.135885354361466,
  "rpve_gm": 9.454262783104781,
  "rpve_wm": 13.686028618020625,
  "size_x": 176,
  "size_y": 240,
  "size_z": 256,
  "snr_csf": 2.061099371770576,
  "snr_gm": 11.07860910429467,
  "snr_total": 11.600951117841689,
  "snr_wm": 21.66314487745982,
  "snrd_csf": 29.74110172108781,
  "snrd_gm": 81.76503064858498,
  "snrd_total": 75.92873918181238,
  "snrd_wm": 116.28008517576433,
  "spacing_x": 1.0,
  "spacing_y": 1.0,
  "spacing_z": 1.0,
  "summary_bg_k": 14.504040643191821,
  "summary_bg_mad": 0.0,
  "summary_bg_mean": 3.06789780374995,
  "summary_bg_median": 0.0,
  "summary_bg_n": 2180703.0,
  "summary_bg_p05": 0.0,
  "summary_bg_p95": 14.834280218929052,
  "summary_bg_stdv": 5.634123960444758,
  "summary_csf_k": 1.6763888026753957,
  "summary_csf_mad": 100.03826321693893,
  "summary_csf_mean": 273.4330419687682,
  "summary_csf_median": 255.77124674618244,
  "summary_csf_n": 33391.0,
  "summary_csf_p05": 89.8392265830189,
  "summary_csf_p95": 503.47547063045204,
  "summary_csf_stdv": 124.09271492567166,
  "summary_gm_k": 0.30713031686255876,
  "summary_gm_mad": 60.031336344168125,
  "summary_gm_mean": 702.4672496006355,
  "summary_gm_median": 703.1731381490827,
  "summary_gm_n": 46595.0,
  "summary_gm_p05": 596.2532974854112,
  "summary_gm_p95": 806.815309278667,
  "summary_gm_stdv": 63.47056619681973,
  "summary_wm_k": 0.6984185112524597,
  "summary_wm_mad": 43.27450833463062,
  "summary_wm_mean": 1000.1050574235733,
  "summary_wm_median": 1000.0000213868916,
  "summary_wm_n": 248357.0,
  "summary_wm_p05": 925.0374586805701,
  "summary_wm_p95": 1075.30165335536,
  "summary_wm_stdv": 46.16125746333124,
  "tpm_overlap_csf": 0.1520625594667557,
  "tpm_overlap_gm": 0.46750553885651713,
  "tpm_overlap_wm": 0.4987238582628785,
  "wm2max": 0.6218766473379019
}