{
  "aor": 0.001786508875739645,
  "aqi": 0.01065214949704142,
  "bids_meta": {
    "AcquisitionNumber": 1,
    "AcquisitionTime": "11:23:32.787500",
    "BrainVoyagerInfo": {
      "AcquisitionTime": "112332.787500",
      "CalculatedDicomSlice1CenterX": -1.11236572265625,
      "CalculatedDicomSlice1CenterY": -41.085975646972656,
      "CalculatedDicomSlice1CenterZ": -91.57359313964844,
      "CalculatedDicomSliceNCenterX": -1.11236572265625,
      "CalculatedDicomSliceNCenterY": 9.346081733703613,
      "CalculatedDicomSliceNCenterZ": 25.528318405151367,
      "CoordinateSystem": 1,
      "DataStorageFormat": 2,
      "DataType": 2,
      "DicomColDirX": 0,
      "DicomColDirY": 0.9184463620185852,
      "DicomColDirZ": -0.3955455422401428,
      "DicomFoVCols": 210,
      "DicomFoVRows": 210,
      "DicomGapThickness": 0,
      "DicomNCols": 84,
      "DicomNRows": 84,
      "DicomPosInfoPresent": 1,
      "DicomRowDirX": 1,
      "DicomRowDirY": 0,
      "DicomRowDirZ": 0,
      "DicomSliceThickness": 2.5,
      "DocumentType": "FMR",
      "MultiBandSequence": true,
      "NrOfPastSpatialTransformations": 0,
      "NrOfPreprocessingSteps": 0,
      "NrOfSkippedVolumes": 0,
      "Protocol": {
        "Conditions": [
          {
            "ColorB": 255,
            "ColorG": 128,
            "ColorR": 0,
            "IntervalsFrom": [
              17,
              113,
              227,
              292
            ],
            "IntervalsTo": [
              32,
              128,
              243,
              307
            ],
            "Name": "Body",
            "NrOfIntervals": 4
          },
          {
            "ColorB": 255,
            "ColorG": 0,
            "ColorR": 255,
            "IntervalsFrom": [
              33,
              97,
              211,
              308
            ],
            "IntervalsTo": [
              48,
              112,
              226,
              324
            ],
            "Name": "Face",
            "NrOfIntervals": 4
          },
          {
            "ColorB": 0,
            "ColorG": 168,
            "ColorR": 0,
            "IntervalsFrom": [
              49,
              146,
              179,
              276
            ],
            "IntervalsTo": [
              64,
              162,
              194,
              291
            ],
            "Name": "Hand",
            "NrOfIntervals": 4
          },
          {
            "ColorB": 102,
            "ColorG": 102,
            "ColorR": 102,
            "IntervalsFrom": [
              65,
              129,
              195,
              260
            ],
            "IntervalsTo": [
              80,
              145,
              210,
              275
            ],
            "Name": "Scrambled",
            "NrOfIntervals": 4
          }
        ],
        "FileName": "sub-11_ses-01_Localizer_run-1.prt",
        "Name": "newbi4fmri_Localizer",
        "NrOfConditions": 4,
        "TimeCourseColors": {
          "RefTCPenThick": 3,
          "RefTimeCourseB": 80,
          "RefTimeCourseG": 0,
          "RefTimeCourseR": 0,
          "TCBackColorB": 0,
          "TCBackColorG": 0,
          "TCBackColorR": 0,
          "TCPenThick": 3,
          "TCTextColorB": 255,
          "TCTextColorG": 255,
          "TCTextColorR": 255,
          "TimeCourseB": 255,
          "TimeCourseG": 255,
          "TimeCourseR": 255
        },
        "TimeResolution": "Volumes"
      },
      "SliceAcquisitionOrder": 5,
      "SliceAcquisitionOrderVerified": true,
      "SliceGap": 0,
      "SliceThickness": 2.5,
      "SliceTimingTable": [
        0,
        0.5275,
        0.075,
        0.6025,
        0.15,
        0.6775,
        0.225,
        0.7525,
        0.3,
        0.8275,
        0.375,
        0.9025,
        0.4525,
        0,
        0.5275,
        0.075,
        0.6025,
        0.15,
        0.6775,
        0.225,
        0.7525,
        0.3,
        0.8275,
        0.375,
        0.9025,
        0.4525,
        0,
        0.5275,
        0.075,
        0.6025,
        0.15,
        0.6775,
        0.225,
        0.7525,
        0.3,
        0.8275,
        0.375,
        0.9025,
        0.4525,
        0,
        0.5275,
        0.075,
        0.6025,
        0.15,
        0.6775,
        0.225,
        0.7525,
        0.3,
        0.8275,
        0.375,
        0.9025,
        0.4525
      ],
      "SliceTimingTableSize": 52,
      "TE": 0.028,
      "TR": 1,
      "TimeResolutionVerified": true,
      "Version": 1,
      "VoxelResolutionVerified": true
    },
    "ConversionSoftware": "BrainVoyager",
    "ConversionSoftwareVersion": "21.4.5.4030",
    "ImageNumber": 1,
    "ImageOrientationPatientDICOM": [
      1,
      0,
      0,
      0,
      0.91844636706283,
      -0.3955455357214
    ],
    "ImagePositionPatientDICOM": [
      -839.86235119402,
      -811.43289083766,
      240.1902339537
    ],
    "ImageType": "ORIGINAL PRIMARY M MB ND NORM MOSAIC",
    "MagneticFieldStrength": 3,
    "Manufacturer": "SIEMENS",
    "ManufacturersModelName": "Prisma_fit",
    "Modality": "MR",
    "NrOfTemporalPositions": 0,
    "PatientPosition": "HFS",
    "RepetitionTime": 1,
    "SeriesDescription": "ep_mb4_localizer",
    "SeriesNumber": 3,
    "SiemensMosaicSliceAcqOrder": 3,
    "SiemensMosaicTE": 0.028,
    "SiemensMosaicTR": 1,
    "SliceThickness": 2.5,
    "SliceTiming": [
      0,
      0.5275,
      0.075,
      0.6025,
      0.15,
      0.6775,
      0.225,
      0.7525,
      0.3,
      0.8275,
      0.375,
      0.9025,
      0.4525,
      0,
      0.5275,
      0.075,
      0.6025,
      0.15,
      0.6775,
      0.225,
      0.7525,
      0.3,
      0.8275,
      0.375,
      0.9025,
      0.4525,
      0,
      0.5275,
      0.075,
      0.6025,
      0.15,
      0.6775,
      0.225,
      0.7525,
      0.3,
      0.8275,
      0.375,
      0.9025,
      0.4525,
      0,
      0.5275,
      0.075,
      0.6025,
      0.15,
      0.6775,
      0.225,
      0.7525,
      0.3,
      0.8275,
      0.375,
      0.9025,
      0.4525
    ],
    "StudyDescription": "newbi4fmri_Localizer",
    "TaskName": "newbi4fmri_Localizer",
    "dataset": "ds003433",
    "modality": "bold",
    "run_id": 1,
    "session_id": "01",
    "subject_id": "11",
    "task_id": "Localizer"
  },
  "dummy_trs": 2,
  "dvars_nstd": 31.406739520830865,
  "dvars_std": 1.0841627170326409,
  "dvars_vstd": 0.9734196366468844,
  "efc": 0.4886246827730775,
  "fber": 3107.314208984375,
  "fd_mean": 0.3796270187056525,
  "fd_num": 262,
  "fd_perc": 77.51479289940828,
  "fwhm_avg": 1.9344666666666666,
  "fwhm_x": 1.7969719999999998,
  "fwhm_y": 2.04838,
  "fwhm_z": 1.9580480000000002,
  "gcor": 0.0112186,
  "gsr_x": -0.015301967971026897,
  "gsr_y": 0.01656360924243927,
  "provenance": {
    "md5sum": "19242847382c7faacf7b3a320064babf",
    "settings": {
      "fd_thres": 0.2,
      "testing": false
    },
    "software": "mriqc",
    "version": "22.0.6",
    "webapi_port": null,
    "webapi_url": "https://mriqc.nimh.nih.gov/api/v1"
  },
  "size_t": 338,
  "size_x": 84,
  "size_y": 84,
  "size_z": 52,
  "snr": 5.165810436304222,
  "spacing_tr": 1.0,
  "spacing_x": 2.5,
  "spacing_y": 2.5,
  "spacing_z": 2.5,
  "summary_bg_k": 42.37374049854128,
  "summary_bg_mad": 28.752808435146008,
  "summary_bg_mean": 126.90460968017578,
  "summary_bg_median": 59.543514251708984,
  "summary_bg_n": 241495.0,
  "summary_bg_p05": 32.282890701293944,
  "summary_bg_p95": 388.9649902343744,
  "summary_bg_stdv": 241.2093505859375,
  "summary_fg_k": 2.822874527941736,
  "summary_fg_mad": 588.611902845201,
  "summary_fg_mean": 3442.741943359375,
  "summary_fg_median": 3351.55810546875,
  "summary_fg_n": 66686.0,
  "summary_fg_p05": 2605.5875854492188,
  "summary_fg_p95": 4557.1746826171875,
  "summary_fg_stdv": 648.7913208007812,
  "tsnr": 45.869693756103516
}