{
  "bids_meta": {
    "AcquisitionNumber": 1,
    "AcquisitionTime": "10:17:22",
    "BrainVoyagerInfo": {
      "CalculatedDicomSlice1CenterX": -86.56888580322266,
      "CalculatedDicomSlice1CenterY": -19.676246643066406,
      "CalculatedDicomSlice1CenterZ": -61.85053253173828,
      "CalculatedDicomSliceNCenterX": 88.43111419677734,
      "CalculatedDicomSliceNCenterY": -19.676246643066406,
      "CalculatedDicomSliceNCenterZ": -61.85053253173828,
      "CoordinateSystem": 1,
      "DicomColDirX": 0,
      "DicomColDirY": 0,
      "DicomColDirZ": -1,
      "DicomFoVCols": 256,
      "DicomFoVRows": 216,
      "DicomGapThickness": 0,
      "DicomNCols": 216,
      "DicomNRows": 256,
      "DicomPosInfoPresent": 1,
      "DicomRowDirX": 0,
      "DicomRowDirY": 1,
      "DicomRowDirZ": 0,
      "DicomSliceThickness": 1,
      "DocumentType": "VMR",
      "FramingCubeDim": 256,
      "MagnetPosInfosVerified": 1,
      "NrOfPastSpatialTransformations": 0,
      "NrOfPreprocessingSteps": 0,
      "OffsetX": 0,
      "OffsetY": 0,
      "OffsetZ": 0,
      "ReferenceSpace": "Native",
      "Version": 1
    },
    "ConversionSoftware": "BrainVoyager",
    "ConversionSoftwareVersion": "21.4.5.4030",
    "ImageNumber": 176,
    "ImageOrientationPatientDICOM": [
      0,
      1,
      0,
      0,
      0,
      -1
    ],
    "ImagePositionPatientDICOM": [
      88.431112647057,
      -127.17624664307,
      65.649467468262
    ],
    "ImageType": "ORIGINAL PRIMARY M ND NORM",
    "MagneticFieldStrength": 3,
    "Manufacturer": "SIEMENS",
    "ManufacturersModelName": "Prisma_fit",
    "Modality": "MR",
    "PatientPosition": "HFS",
    "RepetitionTime": 2.3,
    "SeriesDescription": "mprage_sag_p2",
    "SeriesNumber": 2,
    "SliceThickness": 1,
    "StudyDescription": "Culham^Psych_9223",
    "dataset": "ds003433",
    "modality": "T1w",
    "session_id": "01",
    "subject_id": "04"
  },
  "cjv": 0.3377390556424713,
  "cnr": 3.931201057463766,
  "efc": 0.4817806298156269,
  "fber": -1.0,
  "fwhm_avg": 3.57348,
  "fwhm_x": 3.60951,
  "fwhm_y": 3.63884,
  "fwhm_z": 3.47209,
  "icvs_csf": 0.19673093499913374,
  "icvs_gm": 0.4591052739856658,
  "icvs_wm": 0.34416379101520045,
  "inu_med": 0.4634397178888321,
  "inu_range": 0.11596665978431703,
  "provenance": {
    "md5sum": "fa270927eccdd875b5cc2d0812152e5e",
    "settings": {
      "testing": false
    },
    "software": "mriqc",
    "version": "22.0.6",
    "warnings": {
      "large_rot_frame": true,
      "small_air_mask": false
    },
    "webapi_port": null,
    "webapi_url": "https://mriqc.nimh.nih.gov/api/v1"
  },
  "qi_1": 0.030494075891585416,
  "qi_2": 0.021296336194547655,
  "rpve_csf": 24.097710966860266,
  "rpve_gm": 11.170196049217747,
  "rpve_wm": 16.73582589150428,
  "size_x": 176,
  "size_y": 216,
  "size_z": 256,
  "snr_csf": 2.1335841913715337,
  "snr_gm": 10.617731594780503,
  "snr_total": 12.513808349093244,
  "snr_wm": 24.790109261127693,
  "snrd_csf": 14.216871679846397,
  "snrd_gm": 38.88247207306082,
  "snrd_total": 36.36357198922381,
  "snrd_wm": 55.99137221476421,
  "spacing_x": 1.0,
  "spacing_y": 1.0,
  "spacing_z": 1.0,
  "summary_bg_k": 340.6871192034549,
  "summary_bg_mad": 0.0,
  "summary_bg_mean": 3.248615654861343,
  "summary_bg_median": 0.0,
  "summary_bg_n": 1833309.0,
  "summary_bg_p05": 0.0,
  "summary_bg_p95": 12.487466650083661,
  "summary_bg_stdv": 11.700666690479682,
  "summary_csf_k": 1.695195999822869,
  "summary_csf_mad": 101.26362546489499,
  "summary_csf_mean": 268.53895939681865,
  "summary_csf_median": 253.91182188503444,
  "summary_csf_n": 22698.0,
  "summary_csf_p05": 91.93935300037265,
  "summary_csf_p95": 486.9246074312366,
  "summary_csf_stdv": 119.00455092704979,
  "summary_gm_k": -0.057144549359595675,
  "summary_gm_mad": 65.58711684914907,
  "summary_gm_mean": 695.5949965533282,
  "summary_gm_median": 694.4368315190077,
  "summary_gm_n": 32986.0,
  "summary_gm_p05": 589.1668799961917,
  "summary_gm_p95": 804.1806990131736,
  "summary_gm_stdv": 65.4025107909816,
  "summary_wm_k": 0.7064182602480331,
  "summary_wm_mad": 37.613490775439196,
  "summary_wm_mean": 999.4940836073696,
  "summary_wm_median": 999.9999753143638,
  "summary_wm_n": 168774.0,
  "summary_wm_p05": 932.6101917866617,
  "summary_wm_p95": 1064.3013136231343,
  "summary_wm_stdv": 40.33854801666717,
  "tpm_overlap_csf": 0.14967221259056115,
  "tpm_overlap_gm": 0.4866386151711438,
  "tpm_overlap_wm": 0.5175364962608014,
  "wm2max": 0.5643228229000565
}