{
  "bids_meta": {
    "AcquisitionNumber": 1,
    "AcquisitionTime": "10:12:7",
    "BrainVoyagerInfo": {
      "CalculatedDicomSlice1CenterX": -86.51554107666016,
      "CalculatedDicomSlice1CenterY": -37.187076568603516,
      "CalculatedDicomSlice1CenterZ": -55.07086944580078,
      "CalculatedDicomSliceNCenterX": 88.40743255615234,
      "CalculatedDicomSliceNCenterY": -31.995487213134766,
      "CalculatedDicomSliceNCenterZ": -55.07086944580078,
      "CoordinateSystem": 1,
      "DicomColDirX": 0,
      "DicomColDirY": 0,
      "DicomColDirZ": -1,
      "DicomFoVCols": 256,
      "DicomFoVRows": 248,
      "DicomGapThickness": 0,
      "DicomNCols": 248,
      "DicomNRows": 256,
      "DicomPosInfoPresent": 1,
      "DicomRowDirX": -0.02966625802218914,
      "DicomRowDirY": 0.9995598793029785,
      "DicomRowDirZ": 0,
      "DicomSliceThickness": 1,
      "DocumentType": "VMR",
      "FramingCubeDim": 256,
      "MagnetPosInfosVerified": 1,
      "NrOfPastSpatialTransformations": 0,
      "NrOfPreprocessingSteps": 0,
      "OffsetX": 0,
      "OffsetY": 0,
      "OffsetZ": 0,
      "ReferenceSpace": "Native",
      "Version": 1
    },
    "ConversionSoftware": "BrainVoyager",
    "ConversionSoftwareVersion": "21.4.5.4030",
    "ImageNumber": 176,
    "ImageOrientationPatientDICOM": [
      -0.0296662580463,
      0.99955985970503,
      0,
      0,
      0,
      -1
    ],
    "ImagePositionPatientDICOM": [
      92.07121636899,
      -155.44112435298,
      72.429130554199
    ],
    "ImageType": "ORIGINAL PRIMARY M ND NORM",
    "MagneticFieldStrength": 3,
    "Manufacturer": "SIEMENS",
    "ManufacturersModelName": "Prisma_fit",
    "Modality": "MR",
    "PatientPosition": "HFS",
    "RepetitionTime": 2.3,
    "SeriesDescription": "mprage_sag_p2",
    "SeriesNumber": 2,
    "SliceThickness": 1,
    "StudyDescription": "Culham^Psych_9223",
    "dataset": "ds003433",
    "modality": "T1w",
    "session_id": "01",
    "subject_id": "05"
  },
  "cjv": 0.38202769149074134,
  "cnr": 3.4342659893436083,
  "efc": 0.501974171029103,
  "fber": -1.0,
  "fwhm_avg": 3.58976,
  "fwhm_x": 3.64614,
  "fwhm_y": 3.76619,
  "fwhm_z": 3.35695,
  "icvs_csf": 0.23279635087531153,
  "icvs_gm": 0.41308995908264484,
  "icvs_wm": 0.3541136900420436,
  "inu_med": 0.4452041834592819,
  "inu_range": 0.11101888865232468,
  "provenance": {
    "md5sum": "0158a16f570102f2923c77102657ac76",
    "settings": {
      "testing": false
    },
    "software": "mriqc",
    "version": "22.0.6",
    "warnings": {
      "large_rot_frame": true,
      "small_air_mask": false
    },
    "webapi_port": null,
    "webapi_url": "https://mriqc.nimh.nih.gov/api/v1"
  },
  "qi_1": 0.020864703689899365,
  "qi_2": 0.04240177590822614,
  "rpve_csf": 20.017857626653324,
  "rpve_gm": 11.407192294059486,
  "rpve_wm": 15.655457157209701,
  "size_x": 176,
  "size_y": 248,
  "size_z": 256,
  "snr_csf": 2.744795148821088,
  "snr_gm": 10.192679131583244,
  "snr_total": 11.89445528125095,
  "snr_wm": 22.745891563348522,
  "snrd_csf": 33.983972476170514,
  "snrd_gm": 93.26586223660784,
  "snrd_total": 85.88912354663597,
  "snrd_wm": 130.41753592712956,
  "spacing_x": 1.0,
  "spacing_y": 1.0,
  "spacing_z": 1.0,
  "summary_bg_k": 13.13423465268625,
  "summary_bg_mad": 0.0,
  "summary_bg_mean": 2.473072920235475,
  "summary_bg_median": 0.0,
  "summary_bg_n": 2803404.0,
  "summary_bg_p05": 0.0,
  "summary_bg_p95": 12.731171026825905,
  "summary_bg_stdv": 5.023544817287887,
  "summary_csf_k": 1.8836343480865319,
  "summary_csf_mad": 72.52074504336221,
  "summary_csf_mean": 275.9062780963478,
  "summary_csf_median": 260.58696907013655,
  "summary_csf_n": 51379.0,
  "summary_csf_p05": 149.75542466528714,
  "summary_csf_p95": 464.4197178259492,
  "summary_csf_stdv": 94.93766164697033,
  "summary_gm_k": 0.11432894132619165,
  "summary_gm_mad": 67.65291421168448,
  "summary_gm_mean": 715.4679713456339,
  "summary_gm_median": 715.1567808911204,
  "summary_gm_n": 21334.0,
  "summary_gm_p05": 597.3599458113313,
  "summary_gm_p95": 831.0891694771126,
  "summary_gm_stdv": 70.16212425597554,
  "summary_wm_k": 0.8524351102250871,
  "summary_wm_mad": 41.177875096539225,
  "summary_wm_mean": 1000.4197558005707,
  "summary_wm_median": 1000.0334841571748,
  "summary_wm_n": 218795.0,
  "summary_wm_p05": 929.375484958291,
  "summary_wm_p95": 1072.132115866989,
  "summary_wm_stdv": 43.965355064176116,
  "tpm_overlap_csf": 0.16558030547591168,
  "tpm_overlap_gm": 0.4501845954206768,
  "tpm_overlap_wm": 0.5150781290987888,
  "wm2max": 0.5406937777375238
}