{
  "aor": 0.00035224852071005916,
  "aqi": 0.005828014082840236,
  "bids_meta": {
    "AcquisitionNumber": 1,
    "AcquisitionTime": "12:21:32.040000",
    "BrainVoyagerInfo": {
      "AcquisitionTime": "122132.040000",
      "CalculatedDicomSlice1CenterX": -1.11236572265625,
      "CalculatedDicomSlice1CenterY": -39.249305725097656,
      "CalculatedDicomSlice1CenterZ": -94.75334167480469,
      "CalculatedDicomSliceNCenterX": -1.11236572265625,
      "CalculatedDicomSliceNCenterY": 12.60961627960205,
      "CalculatedDicomSliceNCenterZ": 21.72370147705078,
      "CoordinateSystem": 1,
      "DataStorageFormat": 2,
      "DataType": 2,
      "DicomColDirX": 0,
      "DicomColDirY": 0.9135454297065735,
      "DicomColDirZ": -0.4067366421222687,
      "DicomFoVCols": 210,
      "DicomFoVRows": 210,
      "DicomGapThickness": 0,
      "DicomNCols": 84,
      "DicomNRows": 84,
      "DicomPosInfoPresent": 1,
      "DicomRowDirX": 1,
      "DicomRowDirY": 0,
      "DicomRowDirZ": 0,
      "DicomSliceThickness": 2.5,
      "DocumentType": "FMR",
      "MultiBandSequence": true,
      "NrOfPastSpatialTransformations": 0,
      "NrOfPreprocessingSteps": 0,
      "NrOfSkippedVolumes": 0,
      "Protocol": {
        "Conditions": [
          {
            "ColorB": 255,
            "ColorG": 128,
            "ColorR": 0,
            "IntervalsFrom": [
              66,
              132,
              180,
              277
            ],
            "IntervalsTo": [
              82,
              147,
              195,
              292
            ],
            "Name": "Body",
            "NrOfIntervals": 4
          },
          {
            "ColorB": 255,
            "ColorG": 0,
            "ColorR": 255,
            "IntervalsFrom": [
              49,
              148,
              196,
              261
            ],
            "IntervalsTo": [
              65,
              163,
              211,
              276
            ],
            "Name": "Face",
            "NrOfIntervals": 4
          },
          {
            "ColorB": 0,
            "ColorG": 168,
            "ColorR": 0,
            "IntervalsFrom": [
              17,
              116,
              212,
              309
            ],
            "IntervalsTo": [
              32,
              131,
              228,
              324
            ],
            "Name": "Hand",
            "NrOfIntervals": 4
          },
          {
            "ColorB": 102,
            "ColorG": 102,
            "ColorR": 102,
            "IntervalsFrom": [
              33,
              99,
              229,
              293
            ],
            "IntervalsTo": [
              48,
              115,
              244,
              308
            ],
            "Name": "Scrambled",
            "NrOfIntervals": 4
          }
        ],
        "FileName": "sub-07_ses-01_Localizer_run-1.prt",
        "Name": "newbi4fmri_Localizer",
        "NrOfConditions": 4,
        "TimeCourseColors": {
          "RefTCPenThick": 3,
          "RefTimeCourseB": 80,
          "RefTimeCourseG": 0,
          "RefTimeCourseR": 0,
          "TCBackColorB": 0,
          "TCBackColorG": 0,
          "TCBackColorR": 0,
          "TCPenThick": 3,
          "TCTextColorB": 255,
          "TCTextColorG": 255,
          "TCTextColorR": 255,
          "TimeCourseB": 255,
          "TimeCourseG": 255,
          "TimeCourseR": 255
        },
        "TimeResolution": "Volumes"
      },
      "SliceAcquisitionOrder": 5,
      "SliceAcquisitionOrderVerified": true,
      "SliceGap": 0,
      "SliceThickness": 2.5,
      "SliceTimingTable": [
        0,
        0.5275,
        0.075,
        0.6025,
        0.15,
        0.6775,
        0.2275,
        0.755,
        0.3025,
        0.83,
        0.3775,
        0.905,
        0.4525,
        0,
        0.5275,
        0.075,
        0.6025,
        0.15,
        0.6775,
        0.2275,
        0.755,
        0.3025,
        0.83,
        0.3775,
        0.905,
        0.4525,
        0,
        0.5275,
        0.075,
        0.6025,
        0.15,
        0.6775,
        0.2275,
        0.755,
        0.3025,
        0.83,
        0.3775,
        0.905,
        0.4525,
        0,
        0.5275,
        0.075,
        0.6025,
        0.15,
        0.6775,
        0.2275,
        0.755,
        0.3025,
        0.83,
        0.3775,
        0.905,
        0.4525
      ],
      "SliceTimingTableSize": 52,
      "TE": 0.028,
      "TR": 1,
      "TimeResolutionVerified": true,
      "Version": 1,
      "VoxelResolutionVerified": true
    },
    "ConversionSoftware": "BrainVoyager",
    "ConversionSoftwareVersion": "21.4.5.4030",
    "ImageNumber": 1,
    "ImageOrientationPatientDICOM": [
      1,
      0,
      0,
      0,
      0.91354545891661,
      -0.4067366402143
    ],
    "ImagePositionPatientDICOM": [
      -839.86235119402,
      -805.4855348857,
      246.39701325368
    ],
    "ImageType": "ORIGINAL PRIMARY M MB ND NORM MOSAIC",
    "MagneticFieldStrength": 3,
    "Manufacturer": "SIEMENS",
    "ManufacturersModelName": "Prisma_fit",
    "Modality": "MR",
    "NrOfTemporalPositions": 0,
    "PatientPosition": "HFS",
    "RepetitionTime": 1,
    "SeriesDescription": "ep_mb4_localizer",
    "SeriesNumber": 3,
    "SiemensMosaicSliceAcqOrder": 3,
    "SiemensMosaicTE": 0.028,
    "SiemensMosaicTR": 1,
    "SliceThickness": 2.5,
    "SliceTiming": [
      0,
      0.5275,
      0.075,
      0.6025,
      0.15,
      0.6775,
      0.2275,
      0.755,
      0.3025,
      0.83,
      0.3775,
      0.905,
      0.4525,
      0,
      0.5275,
      0.075,
      0.6025,
      0.15,
      0.6775,
      0.2275,
      0.755,
      0.3025,
      0.83,
      0.3775,
      0.905,
      0.4525,
      0,
      0.5275,
      0.075,
      0.6025,
      0.15,
      0.6775,
      0.2275,
      0.755,
      0.3025,
      0.83,
      0.3775,
      0.905,
      0.4525,
      0,
      0.5275,
      0.075,
      0.6025,
      0.15,
      0.6775,
      0.2275,
      0.755,
      0.3025,
      0.83,
      0.3775,
      0.905,
      0.4525
    ],
    "StudyDescription": "newbi4fmri_Localizer",
    "TaskName": "newbi4fmri_Localizer",
    "dataset": "ds003433",
    "modality": "bold",
    "run_id": 1,
    "session_id": "01",
    "subject_id": "07",
    "task_id": "Localizer"
  },
  "dummy_trs": 2,
  "dvars_nstd": 32.28870235623143,
  "dvars_std": 1.1925408698219584,
  "dvars_vstd": 1.0002103091988135,
  "efc": 0.5460287536652408,
  "fber": 2183.048828125,
  "fd_mean": 0.1270301434706574,
  "fd_num": 26,
  "fd_perc": 7.6923076923076925,
  "fwhm_avg": 2.003933333333334,
  "fwhm_x": 1.8822040000000002,
  "fwhm_y": 2.16674,
  "fwhm_z": 1.962856,
  "gcor": 0.00962972,
  "gsr_x": 0.013180915266275406,
  "gsr_y": 0.017368951812386513,
  "provenance": {
    "md5sum": "2ee08e72f7c19111f242f5843afcb612",
    "settings": {
      "fd_thres": 0.2,
      "testing": false
    },
    "software": "mriqc",
    "version": "22.0.6",
    "webapi_port": null,
    "webapi_url": "https://mriqc.nimh.nih.gov/api/v1"
  },
  "size_t": 338,
  "size_x": 84,
  "size_y": 84,
  "size_z": 52,
  "snr": 4.890713263719563,
  "spacing_tr": 1.0,
  "spacing_x": 2.5,
  "spacing_y": 2.5,
  "spacing_z": 2.5,
  "summary_bg_k": 13.769010325575657,
  "summary_bg_mad": 58.3797133137524,
  "summary_bg_mean": 231.05038452148438,
  "summary_bg_median": 72.55198669433594,
  "summary_bg_n": 229187.0,
  "summary_bg_p05": 29.466672515869142,
  "summary_bg_p95": 1043.3565307617184,
  "summary_bg_stdv": 395.6131591796875,
  "summary_fg_k": 3.7887808295733008,
  "summary_fg_mad": 641.9826870039448,
  "summary_fg_mean": 3560.579833984375,
  "summary_fg_median": 3474.92431640625,
  "summary_fg_n": 76567.0,
  "summary_fg_p05": 2658.36279296875,
  "summary_fg_p95": 4720.244140625,
  "summary_fg_stdv": 710.5101928710938,
  "tsnr": 52.00642013549805
}