{
  "aor": 0.003708441176470589,
  "aqi": 0.005970968911764706,
  "bids_meta": {
    "AcquisitionNumber": 1,
    "AcquisitionTime": "13:20:26.815000",
    "BrainVoyagerInfo": {
      "AcquisitionTime": "132026.815000",
      "CalculatedDicomSlice1CenterX": -2.16046142578125,
      "CalculatedDicomSlice1CenterY": -21.673179626464844,
      "CalculatedDicomSlice1CenterZ": -96.54534912109375,
      "CalculatedDicomSliceNCenterX": -2.7935492992401123,
      "CalculatedDicomSliceNCenterY": 7.441711902618408,
      "CalculatedDicomSliceNCenterZ": 27.584314346313477,
      "CoordinateSystem": 1,
      "DataStorageFormat": 2,
      "DataType": 2,
      "DicomColDirX": 0,
      "DicomColDirY": 0.9735779762268066,
      "DicomColDirZ": -0.22835488617420197,
      "DicomFoVCols": 210,
      "DicomFoVRows": 210,
      "DicomGapThickness": 0,
      "DicomNCols": 84,
      "DicomNRows": 84,
      "DicomPosInfoPresent": 1,
      "DicomRowDirX": 0.9999876618385315,
      "DicomRowDirY": 0.0011339038610458374,
      "DicomRowDirZ": 0.004834191408008337,
      "DicomSliceThickness": 2.5,
      "DocumentType": "FMR",
      "MultiBandSequence": true,
      "NrOfPastSpatialTransformations": 0,
      "NrOfPreprocessingSteps": 0,
      "NrOfSkippedVolumes": 0,
      "Protocol": {
        "Conditions": [
          {
            "ColorB": 255,
            "ColorG": 128,
            "ColorR": 0,
            "IntervalsFrom": [
              17,
              113,
              227,
              292
            ],
            "IntervalsTo": [
              32,
              128,
              243,
              307
            ],
            "Name": "Body",
            "NrOfIntervals": 4
          },
          {
            "ColorB": 255,
            "ColorG": 0,
            "ColorR": 255,
            "IntervalsFrom": [
              33,
              97,
              211,
              308
            ],
            "IntervalsTo": [
              48,
              112,
              226,
              324
            ],
            "Name": "Face",
            "NrOfIntervals": 4
          },
          {
            "ColorB": 0,
            "ColorG": 168,
            "ColorR": 0,
            "IntervalsFrom": [
              49,
              146,
              179,
              276
            ],
            "IntervalsTo": [
              64,
              162,
              194,
              291
            ],
            "Name": "Hand",
            "NrOfIntervals": 4
          },
          {
            "ColorB": 102,
            "ColorG": 102,
            "ColorR": 102,
            "IntervalsFrom": [
              65,
              129,
              195,
              260
            ],
            "IntervalsTo": [
              80,
              145,
              210,
              275
            ],
            "Name": "Scrambled",
            "NrOfIntervals": 4
          }
        ],
        "FileName": "sub-13_ses-01_Localizer_run-1.prt",
        "Name": "newbi4fmri_Localizer",
        "NrOfConditions": 4,
        "TimeCourseColors": {
          "RefTCPenThick": 3,
          "RefTimeCourseB": 80,
          "RefTimeCourseG": 0,
          "RefTimeCourseR": 0,
          "TCBackColorB": 0,
          "TCBackColorG": 0,
          "TCBackColorR": 0,
          "TCPenThick": 3,
          "TCTextColorB": 255,
          "TCTextColorG": 255,
          "TCTextColorR": 255,
          "TimeCourseB": 255,
          "TimeCourseG": 255,
          "TimeCourseR": 255
        },
        "TimeResolution": "Volumes"
      },
      "SliceAcquisitionOrder": 5,
      "SliceAcquisitionOrderVerified": true,
      "SliceGap": 0,
      "SliceThickness": 2.5,
      "SliceTimingTable": [
        0,
        0.5275,
        0.075,
        0.6025,
        0.15,
        0.68,
        0.2275,
        0.755,
        0.3025,
        0.83,
        0.3775,
        0.905,
        0.4525,
        0,
        0.5275,
        0.075,
        0.6025,
        0.15,
        0.68,
        0.2275,
        0.755,
        0.3025,
        0.83,
        0.3775,
        0.905,
        0.4525,
        0,
        0.5275,
        0.075,
        0.6025,
        0.15,
        0.68,
        0.2275,
        0.755,
        0.3025,
        0.83,
        0.3775,
        0.905,
        0.4525,
        0,
        0.5275,
        0.075,
        0.6025,
        0.15,
        0.68,
        0.2275,
        0.755,
        0.3025,
        0.83,
        0.3775,
        0.905,
        0.4525
      ],
      "SliceTimingTableSize": 52,
      "TE": 0.028,
      "TR": 1,
      "TimeResolutionVerified": true,
      "Version": 1,
      "VoxelResolutionVerified": true
    },
    "ConversionSoftware": "BrainVoyager",
    "ConversionSoftwareVersion": "21.4.5.4030",
    "ImageNumber": 1,
    "ImageOrientationPatientDICOM": [
      0.99998767235105,
      0.0011339038643,
      0.00483419155199,
      -3.2575266e-08,
      0.97357796202714,
      -0.228354881391
    ],
    "ImagePositionPatientDICOM": [
      -840.90011579232,
      -839.21276700091,
      90.932634286518
    ],
    "ImageType": "ORIGINAL PRIMARY M MB ND NORM MOSAIC",
    "MagneticFieldStrength": 3,
    "Manufacturer": "SIEMENS",
    "ManufacturersModelName": "Prisma_fit",
    "Modality": "MR",
    "NrOfTemporalPositions": 0,
    "PatientPosition": "HFS",
    "RepetitionTime": 1,
    "SeriesDescription": "ep_mb4_localizer",
    "SeriesNumber": 3,
    "SiemensMosaicSliceAcqOrder": 3,
    "SiemensMosaicTE": 0.028,
    "SiemensMosaicTR": 1,
    "SliceThickness": 2.5,
    "SliceTiming": [
      0,
      0.5275,
      0.075,
      0.6025,
      0.15,
      0.68,
      0.2275,
      0.755,
      0.3025,
      0.83,
      0.3775,
      0.905,
      0.4525,
      0,
      0.5275,
      0.075,
      0.6025,
      0.15,
      0.68,
      0.2275,
      0.755,
      0.3025,
      0.83,
      0.3775,
      0.905,
      0.4525,
      0,
      0.5275,
      0.075,
      0.6025,
      0.15,
      0.68,
      0.2275,
      0.755,
      0.3025,
      0.83,
      0.3775,
      0.905,
      0.4525,
      0,
      0.5275,
      0.075,
      0.6025,
      0.15,
      0.68,
      0.2275,
      0.755,
      0.3025,
      0.83,
      0.3775,
      0.905,
      0.4525
    ],
    "StudyDescription": "newbi4fmri_Localizer",
    "TaskName": "newbi4fmri_Localizer",
    "dataset": "ds003433",
    "modality": "bold",
    "run_id": 1,
    "session_id": "01",
    "subject_id": "13",
    "task_id": "Localizer"
  },
  "dummy_trs": 0,
  "dvars_nstd": 28.000667251474923,
  "dvars_std": 1.1603117415634228,
  "dvars_vstd": 1.0320282104424785,
  "efc": 0.5459608702213958,
  "fber": 3330.443359375,
  "fd_mean": 0.14749563141838787,
  "fd_num": 23,
  "fd_perc": 6.764705882352941,
  "fwhm_avg": 2.03482,
  "fwhm_x": 1.9087319999999999,
  "fwhm_y": 2.215388,
  "fwhm_z": 1.98034,
  "gcor": 0.0208419,
  "gsr_x": 0.005973635241389275,
  "gsr_y": 0.02567317523062229,
  "provenance": {
    "md5sum": "2b4c83076d19a4a9bed19d733a3119b3",
    "settings": {
      "fd_thres": 0.2,
      "testing": false
    },
    "software": "mriqc",
    "version": "22.0.6",
    "webapi_port": null,
    "webapi_url": "https://mriqc.nimh.nih.gov/api/v1"
  },
  "size_t": 340,
  "size_x": 84,
  "size_y": 84,
  "size_z": 52,
  "snr": 5.221690832161453,
  "spacing_tr": 1.0,
  "spacing_x": 2.5,
  "spacing_y": 2.5,
  "spacing_z": 2.5,
  "summary_bg_k": 20.276891948437697,
  "summary_bg_mad": 34.12405167448209,
  "summary_bg_mean": 167.98777770996094,
  "summary_bg_median": 56.53814697265625,
  "summary_bg_n": 220830.0,
  "summary_bg_p05": 28.00532169342041,
  "summary_bg_p95": 684.2413909912107,
  "summary_bg_stdv": 311.277099609375,
  "summary_fg_k": 4.255353685583936,
  "summary_fg_mad": 591.8988927734846,
  "summary_fg_mean": 3432.56689453125,
  "summary_fg_median": 3357.9736328125,
  "summary_fg_n": 83629.0,
  "summary_fg_p05": 2598.1958984375,
  "summary_fg_p95": 4468.009765624999,
  "summary_fg_stdv": 643.0778198242188,
  "tsnr": 56.570560455322266
}