{
  "bids_meta": {
    "AcquisitionNumber": 1,
    "AcquisitionTime": "14:01:44",
    "BrainVoyagerInfo": {
      "CalculatedDicomSlice1CenterX": -86.26891326904297,
      "CalculatedDicomSlice1CenterY": -13.72166919708252,
      "CalculatedDicomSlice1CenterZ": -65.11341857910156,
      "CalculatedDicomSliceNCenterX": 88.00018310546875,
      "CalculatedDicomSliceNCenterY": -25.624347686767578,
      "CalculatedDicomSliceNCenterZ": -54.45466613769531,
      "CoordinateSystem": 1,
      "DicomColDirX": 0.060765594244003296,
      "DicomColDirY": -0.004150272812694311,
      "DicomColDirZ": -0.9981434345245361,
      "DicomFoVCols": 256,
      "DicomFoVRows": 216,
      "DicomGapThickness": 0,
      "DicomNCols": 216,
      "DicomNRows": 256,
      "DicomPosInfoPresent": 1,
      "DicomRowDirX": 0.06814182549715042,
      "DicomRowDirY": 0.9976756572723389,
      "DicomRowDirZ": 0,
      "DicomSliceThickness": 1,
      "DocumentType": "VMR",
      "FramingCubeDim": 256,
      "MagnetPosInfosVerified": 1,
      "NrOfPastSpatialTransformations": 0,
      "NrOfPreprocessingSteps": 0,
      "OffsetX": 0,
      "OffsetY": 0,
      "OffsetZ": 0,
      "ReferenceSpace": "Native",
      "Version": 1
    },
    "ConversionSoftware": "BrainVoyager",
    "ConversionSoftwareVersion": "21.4.5.4030",
    "ImageNumber": 176,
    "ImageOrientationPatientDICOM": [
      0.06814182496521,
      0.99767564453103,
      5.2428198e-08,
      0.06076559380134,
      -0.0041502728352,
      -0.9981434355068
    ],
    "ImagePositionPatientDICOM": [
      72.927322372435,
      -132.34532169461,
      72.8086190214
    ],
    "ImageType": "ORIGINAL PRIMARY M ND NORM",
    "MagneticFieldStrength": 3,
    "Manufacturer": "SIEMENS",
    "ManufacturersModelName": "Prisma_fit",
    "Modality": "MR",
    "PatientPosition": "HFS",
    "RepetitionTime": 2.3,
    "SeriesDescription": "mprage_sag_p2",
    "SeriesNumber": 11,
    "SliceThickness": 1,
    "StudyDescription": "Culham^Psych_9223",
    "dataset": "ds003433",
    "modality": "T1w",
    "session_id": "01",
    "subject_id": "06"
  },
  "cjv": 0.35105075008931613,
  "cnr": 3.762902513569055,
  "efc": 0.4844277335405846,
  "fber": -1.0,
  "fwhm_avg": 3.7468766666666666,
  "fwhm_x": 3.71346,
  "fwhm_y": 3.86394,
  "fwhm_z": 3.66323,
  "icvs_csf": 0.19934410531010185,
  "icvs_gm": 0.44690742914009934,
  "icvs_wm": 0.3537484655497988,
  "inu_med": 0.4398728907108307,
  "inu_range": 0.10703816115856174,
  "provenance": {
    "md5sum": "d87a809e14f59994150d34e9478d2405",
    "settings": {
      "testing": false
    },
    "software": "mriqc",
    "version": "22.0.6",
    "warnings": {
      "large_rot_frame": true,
      "small_air_mask": false
    },
    "webapi_port": null,
    "webapi_url": "https://mriqc.nimh.nih.gov/api/v1"
  },
  "qi_1": 0.0,
  "qi_2": 0.02617651625774593,
  "rpve_csf": 23.80779493395815,
  "rpve_gm": 11.446987747781268,
  "rpve_wm": 16.334394516992457,
  "size_x": 176,
  "size_y": 216,
  "size_z": 256,
  "snr_csf": 2.0367087915349873,
  "snr_gm": 10.456743351773783,
  "snr_total": 12.223071624119088,
  "snr_wm": 24.175762729048493,
  "snrd_csf": 27.56711600434845,
  "snrd_gm": 77.00834813609384,
  "snrd_total": 71.40734927996247,
  "snrd_wm": 109.64658369944513,
  "spacing_x": 1.0,
  "spacing_y": 1.0,
  "spacing_z": 1.0,
  "summary_bg_k": 10.215136999502215,
  "summary_bg_mad": 0.0,
  "summary_bg_mean": 3.443268689635131,
  "summary_bg_median": 0.0,
  "summary_bg_n": 2150759.0,
  "summary_bg_p05": 0.0,
  "summary_bg_p95": 16.25083688646555,
  "summary_bg_stdv": 5.975172881896442,
  "summary_csf_k": 0.8420075229607527,
  "summary_csf_mad": 107.73585865495731,
  "summary_csf_mean": 263.5068536912178,
  "summary_csf_median": 251.42593814246356,
  "summary_csf_n": 26418.0,
  "summary_csf_p05": 68.47178596761078,
  "summary_csf_p95": 490.3658166104927,
  "summary_csf_stdv": 123.44483439753927,
  "summary_gm_k": 0.07004799173056009,
  "summary_gm_mad": 65.6194289286278,
  "summary_gm_mean": 702.1854952657478,
  "summary_gm_median": 702.3547973558307,
  "summary_gm_n": 37729.0,
  "summary_gm_p05": 590.351480383426,
  "summary_gm_p95": 814.587537907809,
  "summary_gm_stdv": 67.16675218815307,
  "summary_wm_k": 0.7485918595550087,
  "summary_wm_mad": 38.880338378877376,
  "summary_wm_mean": 1001.0925257707055,
  "summary_wm_median": 1000.0318918526173,
  "summary_wm_n": 192211.0,
  "summary_wm_p05": 935.7295607998967,
  "summary_wm_p95": 1070.1016767807305,
  "summary_wm_stdv": 41.364953059236726,
  "tpm_overlap_csf": 0.14682561739689107,
  "tpm_overlap_gm": 0.48267645881353427,
  "tpm_overlap_wm": 0.5242613084417211,
  "wm2max": 0.5519230431035999
}