{
  "aor": 0.0005279411764705882,
  "aqi": 0.006702374588235294,
  "bids_meta": {
    "AcquisitionNumber": 1,
    "AcquisitionTime": "10:16:56.767500",
    "BrainVoyagerInfo": {
      "AcquisitionTime": "101656.767500",
      "CalculatedDicomSlice1CenterX": -1.11236572265625,
      "CalculatedDicomSlice1CenterY": -33.405052185058594,
      "CalculatedDicomSlice1CenterZ": -82.58123779296875,
      "CalculatedDicomSliceNCenterX": -1.11236572265625,
      "CalculatedDicomSliceNCenterY": 20.680374145507812,
      "CalculatedDicomSliceNCenterZ": 32.878780364990234,
      "CoordinateSystem": 1,
      "DataStorageFormat": 2,
      "DataType": 2,
      "DicomColDirX": 0,
      "DicomColDirY": 0.9055687785148621,
      "DicomColDirZ": -0.4241994321346283,
      "DicomFoVCols": 210,
      "DicomFoVRows": 210,
      "DicomGapThickness": 0,
      "DicomNCols": 84,
      "DicomNRows": 84,
      "DicomPosInfoPresent": 1,
      "DicomRowDirX": 1,
      "DicomRowDirY": 0,
      "DicomRowDirZ": 0,
      "DicomSliceThickness": 2.5,
      "DocumentType": "FMR",
      "MultiBandSequence": true,
      "NrOfPastSpatialTransformations": 0,
      "NrOfPreprocessingSteps": 0,
      "NrOfSkippedVolumes": 0,
      "Protocol": {
        "Conditions": [
          {
            "ColorB": 255,
            "ColorG": 128,
            "ColorR": 0,
            "IntervalsFrom": [
              17,
              113,
              227,
              292
            ],
            "IntervalsTo": [
              32,
              128,
              243,
              307
            ],
            "Name": "Body",
            "NrOfIntervals": 4
          },
          {
            "ColorB": 255,
            "ColorG": 0,
            "ColorR": 255,
            "IntervalsFrom": [
              33,
              97,
              211,
              308
            ],
            "IntervalsTo": [
              48,
              112,
              226,
              324
            ],
            "Name": "Face",
            "NrOfIntervals": 4
          },
          {
            "ColorB": 0,
            "ColorG": 168,
            "ColorR": 0,
            "IntervalsFrom": [
              49,
              146,
              179,
              276
            ],
            "IntervalsTo": [
              64,
              162,
              194,
              291
            ],
            "Name": "Hand",
            "NrOfIntervals": 4
          },
          {
            "ColorB": 102,
            "ColorG": 102,
            "ColorR": 102,
            "IntervalsFrom": [
              65,
              129,
              195,
              260
            ],
            "IntervalsTo": [
              80,
              145,
              210,
              275
            ],
            "Name": "Scrambled",
            "NrOfIntervals": 4
          }
        ],
        "FileName": "sub-15_ses-01_Localizer_run-1.prt",
        "Name": "newbi4fmri_Localizer",
        "NrOfConditions": 4,
        "TimeCourseColors": {
          "RefTCPenThick": 3,
          "RefTimeCourseB": 80,
          "RefTimeCourseG": 0,
          "RefTimeCourseR": 0,
          "TCBackColorB": 0,
          "TCBackColorG": 0,
          "TCBackColorR": 0,
          "TCPenThick": 3,
          "TCTextColorB": 255,
          "TCTextColorG": 255,
          "TCTextColorR": 255,
          "TimeCourseB": 255,
          "TimeCourseG": 255,
          "TimeCourseR": 255
        },
        "TimeResolution": "Volumes"
      },
      "SliceAcquisitionOrder": 5,
      "SliceAcquisitionOrderVerified": true,
      "SliceGap": 0,
      "SliceThickness": 2.5,
      "SliceTimingTable": [
        0,
        0.5275,
        0.075,
        0.6025,
        0.15,
        0.68,
        0.2275,
        0.755,
        0.3025,
        0.83,
        0.3775,
        0.905,
        0.4525,
        0,
        0.5275,
        0.075,
        0.6025,
        0.15,
        0.68,
        0.2275,
        0.755,
        0.3025,
        0.83,
        0.3775,
        0.905,
        0.4525,
        0,
        0.5275,
        0.075,
        0.6025,
        0.15,
        0.68,
        0.2275,
        0.755,
        0.3025,
        0.83,
        0.3775,
        0.905,
        0.4525,
        0,
        0.5275,
        0.075,
        0.6025,
        0.15,
        0.68,
        0.2275,
        0.755,
        0.3025,
        0.83,
        0.3775,
        0.905,
        0.4525
      ],
      "SliceTimingTableSize": 52,
      "TE": 0.028,
      "TR": 1,
      "TimeResolutionVerified": true,
      "Version": 1,
      "VoxelResolutionVerified": true
    },
    "ConversionSoftware": "BrainVoyager",
    "ConversionSoftwareVersion": "21.4.5.4030",
    "ImageNumber": 1,
    "ImageOrientationPatientDICOM": [
      1,
      0,
      0,
      0,
      0.90556879908842,
      -0.4241994225804
    ],
    "ImagePositionPatientDICOM": [
      -839.86235119402,
      -792.95089685561,
      273.21604188405
    ],
    "ImageType": "ORIGINAL PRIMARY M MB ND NORM MOSAIC",
    "MagneticFieldStrength": 3,
    "Manufacturer": "SIEMENS",
    "ManufacturersModelName": "Prisma_fit",
    "Modality": "MR",
    "NrOfTemporalPositions": 0,
    "PatientPosition": "HFS",
    "RepetitionTime": 1,
    "SeriesDescription": "ep_mb4_localizer",
    "SeriesNumber": 3,
    "SiemensMosaicSliceAcqOrder": 3,
    "SiemensMosaicTE": 0.028,
    "SiemensMosaicTR": 1,
    "SliceThickness": 2.5,
    "SliceTiming": [
      0,
      0.5275,
      0.075,
      0.6025,
      0.15,
      0.68,
      0.2275,
      0.755,
      0.3025,
      0.83,
      0.3775,
      0.905,
      0.4525,
      0,
      0.5275,
      0.075,
      0.6025,
      0.15,
      0.68,
      0.2275,
      0.755,
      0.3025,
      0.83,
      0.3775,
      0.905,
      0.4525,
      0,
      0.5275,
      0.075,
      0.6025,
      0.15,
      0.68,
      0.2275,
      0.755,
      0.3025,
      0.83,
      0.3775,
      0.905,
      0.4525,
      0,
      0.5275,
      0.075,
      0.6025,
      0.15,
      0.68,
      0.2275,
      0.755,
      0.3025,
      0.83,
      0.3775,
      0.905,
      0.4525
    ],
    "StudyDescription": "newbi4fmri_Localizer",
    "TaskName": "newbi4fmri_Localizer",
    "dataset": "ds003433",
    "modality": "bold",
    "run_id": 1,
    "session_id": "01",
    "subject_id": "15",
    "task_id": "Localizer"
  },
  "dummy_trs": 0,
  "dvars_nstd": 31.208130681858428,
  "dvars_std": 1.2458841579351037,
  "dvars_vstd": 0.9966499332448373,
  "efc": 0.5016329184773278,
  "fber": 3340.12255859375,
  "fd_mean": 0.21215484431018747,
  "fd_num": 194,
  "fd_perc": 57.05882352941177,
  "fwhm_avg": 1.9649346666666665,
  "fwhm_x": 1.8611239999999998,
  "fwhm_y": 2.0501,
  "fwhm_z": 1.98358,
  "gcor": 0.0203891,
  "gsr_x": -0.003474307246506214,
  "gsr_y": 0.011038984172046185,
  "provenance": {
    "md5sum": "da2a9a503edde1d21deb6da60fa37e6e",
    "settings": {
      "fd_thres": 0.2,
      "testing": false
    },
    "software": "mriqc",
    "version": "22.0.6",
    "webapi_port": null,
    "webapi_url": "https://mriqc.nimh.nih.gov/api/v1"
  },
  "size_t": 340,
  "size_x": 84,
  "size_y": 84,
  "size_z": 52,
  "snr": 5.666548079179448,
  "spacing_tr": 1.0,
  "spacing_x": 2.5,
  "spacing_y": 2.5,
  "spacing_z": 2.5,
  "summary_bg_k": 30.063598164130205,
  "summary_bg_mad": 37.562161335730984,
  "summary_bg_mean": 152.3433837890625,
  "summary_bg_median": 61.73244094848633,
  "summary_bg_n": 239265.0,
  "summary_bg_p05": 29.00786437988281,
  "summary_bg_p95": 565.0679321289061,
  "summary_bg_stdv": 279.6297912597656,
  "summary_fg_k": 2.889076034722697,
  "summary_fg_mad": 608.2254343669427,
  "summary_fg_mean": 3699.0224609375,
  "summary_fg_median": 3626.7421875,
  "summary_fg_n": 68270.0,
  "summary_fg_p05": 2841.487170410156,
  "summary_fg_p95": 4779.175976562499,
  "summary_fg_stdv": 640.0220336914062,
  "tsnr": 58.959659576416016
}