{
  "aor": 0.001227797619047619,
  "aqi": 0.007249894464285715,
  "bids_meta": {
    "AcquisitionNumber": 1,
    "AcquisitionTime": "09:20:45.630000",
    "BrainVoyagerInfo": {
      "AcquisitionTime": "092045.630000",
      "CalculatedDicomSlice1CenterX": -1.11236572265625,
      "CalculatedDicomSlice1CenterY": -35.7418212890625,
      "CalculatedDicomSlice1CenterZ": -86.25143432617188,
      "CalculatedDicomSliceNCenterX": -1.11236572265625,
      "CalculatedDicomSliceNCenterY": -0.17045627534389496,
      "CalculatedDicomSliceNCenterZ": 36.18600845336914,
      "CoordinateSystem": 1,
      "DataStorageFormat": 2,
      "DataType": 2,
      "DicomColDirX": 0,
      "DicomColDirY": 0.960293710231781,
      "DicomColDirZ": -0.27899110317230225,
      "DicomFoVCols": 210,
      "DicomFoVRows": 210,
      "DicomGapThickness": 0,
      "DicomNCols": 84,
      "DicomNRows": 84,
      "DicomPosInfoPresent": 1,
      "DicomRowDirX": 1,
      "DicomRowDirY": 0,
      "DicomRowDirZ": 0,
      "DicomSliceThickness": 2.5,
      "DocumentType": "FMR",
      "MultiBandSequence": true,
      "NrOfPastSpatialTransformations": 0,
      "NrOfPreprocessingSteps": 0,
      "NrOfSkippedVolumes": 0,
      "Protocol": {
        "Conditions": [
          {
            "ColorB": 255,
            "ColorG": 128,
            "ColorR": 0,
            "IntervalsFrom": [
              17,
              113,
              225,
              289
            ],
            "IntervalsTo": [
              32,
              128,
              240,
              304
            ],
            "Name": "Body",
            "NrOfIntervals": 4
          },
          {
            "ColorB": 255,
            "ColorG": 0,
            "ColorR": 255,
            "IntervalsFrom": [
              33,
              97,
              209,
              305
            ],
            "IntervalsTo": [
              48,
              112,
              224,
              320
            ],
            "Name": "Face",
            "NrOfIntervals": 4
          },
          {
            "ColorB": 0,
            "ColorG": 168,
            "ColorR": 0,
            "IntervalsFrom": [
              49,
              145,
              177,
              273
            ],
            "IntervalsTo": [
              64,
              160,
              192,
              288
            ],
            "Name": "Hand",
            "NrOfIntervals": 4
          },
          {
            "ColorB": 102,
            "ColorG": 102,
            "ColorR": 102,
            "IntervalsFrom": [
              65,
              129,
              193,
              257
            ],
            "IntervalsTo": [
              80,
              144,
              208,
              272
            ],
            "Name": "Scrambled",
            "NrOfIntervals": 4
          }
        ],
        "FileName": "sub-08_ses-01_Localizer_run-1.prt",
        "Name": "newbi4fmri_Localizer",
        "NrOfConditions": 4,
        "TimeCourseColors": {
          "RefTCPenThick": 3,
          "RefTimeCourseB": 80,
          "RefTimeCourseG": 0,
          "RefTimeCourseR": 0,
          "TCBackColorB": 0,
          "TCBackColorG": 0,
          "TCBackColorR": 0,
          "TCPenThick": 3,
          "TCTextColorB": 255,
          "TCTextColorG": 255,
          "TCTextColorR": 255,
          "TimeCourseB": 255,
          "TimeCourseG": 255,
          "TimeCourseR": 255
        },
        "TimeResolution": "Volumes"
      },
      "SliceAcquisitionOrder": 5,
      "SliceAcquisitionOrderVerified": true,
      "SliceGap": 0,
      "SliceThickness": 2.5,
      "SliceTimingTable": [
        0,
        0.5275,
        0.075,
        0.6025,
        0.15,
        0.6775,
        0.225,
        0.755,
        0.3025,
        0.83,
        0.3775,
        0.905,
        0.4525,
        0,
        0.5275,
        0.075,
        0.6025,
        0.15,
        0.6775,
        0.225,
        0.755,
        0.3025,
        0.83,
        0.3775,
        0.905,
        0.4525,
        0,
        0.5275,
        0.075,
        0.6025,
        0.15,
        0.6775,
        0.225,
        0.755,
        0.3025,
        0.83,
        0.3775,
        0.905,
        0.4525,
        0,
        0.5275,
        0.075,
        0.6025,
        0.15,
        0.6775,
        0.225,
        0.755,
        0.3025,
        0.83,
        0.3775,
        0.905,
        0.4525
      ],
      "SliceTimingTableSize": 52,
      "TE": 0.028,
      "TR": 1,
      "TimeResolutionVerified": true,
      "Version": 1,
      "VoxelResolutionVerified": true
    },
    "ConversionSoftware": "BrainVoyager",
    "ConversionSoftwareVersion": "21.4.5.4030",
    "ImageNumber": 1,
    "ImageOrientationPatientDICOM": [
      1,
      0,
      0,
      0,
      0.96029368399952,
      -0.278991111813
    ],
    "ImagePositionPatientDICOM": [
      -839.86235119402,
      -841.18819465115,
      147.7523447139
    ],
    "ImageType": "ORIGINAL PRIMARY M MB ND NORM MOSAIC",
    "MagneticFieldStrength": 3,
    "Manufacturer": "SIEMENS",
    "ManufacturersModelName": "Prisma_fit",
    "Modality": "MR",
    "NrOfTemporalPositions": 0,
    "PatientPosition": "HFS",
    "RepetitionTime": 1,
    "SeriesDescription": "ep_mb4_localizer",
    "SeriesNumber": 3,
    "SiemensMosaicSliceAcqOrder": 3,
    "SiemensMosaicTE": 0.028,
    "SiemensMosaicTR": 1,
    "SliceThickness": 2.5,
    "SliceTiming": [
      0,
      0.5275,
      0.075,
      0.6025,
      0.15,
      0.6775,
      0.225,
      0.755,
      0.3025,
      0.83,
      0.3775,
      0.905,
      0.4525,
      0,
      0.5275,
      0.075,
      0.6025,
      0.15,
      0.6775,
      0.225,
      0.755,
      0.3025,
      0.83,
      0.3775,
      0.905,
      0.4525,
      0,
      0.5275,
      0.075,
      0.6025,
      0.15,
      0.6775,
      0.225,
      0.755,
      0.3025,
      0.83,
      0.3775,
      0.905,
      0.4525,
      0,
      0.5275,
      0.075,
      0.6025,
      0.15,
      0.6775,
      0.225,
      0.755,
      0.3025,
      0.83,
      0.3775,
      0.905,
      0.4525
    ],
    "StudyDescription": "newbi4fmri_Localizer",
    "TaskName": "newbi4fmri_Localizer",
    "dataset": "ds003433",
    "modality": "bold",
    "run_id": 1,
    "session_id": "01",
    "subject_id": "08",
    "task_id": "Localizer"
  },
  "dummy_trs": 4,
  "dvars_nstd": 25.553947904238793,
  "dvars_std": 1.1177508937313438,
  "dvars_vstd": 0.9667845682985079,
  "efc": 0.5454317065085319,
  "fber": 3640.456787109375,
  "fd_mean": 0.09325167917471187,
  "fd_num": 0,
  "fd_perc": 0.0,
  "fwhm_avg": 2.0479413333333336,
  "fwhm_x": 1.89114,
  "fwhm_y": 2.1894839999999998,
  "fwhm_z": 2.0632,
  "gcor": 0.00836146,
  "gsr_x": -0.011891086585819721,
  "gsr_y": 0.035379741340875626,
  "provenance": {
    "md5sum": "1c3797dedb15724ee5fe3679538936c1",
    "settings": {
      "fd_thres": 0.2,
      "testing": false
    },
    "software": "mriqc",
    "version": "22.0.6",
    "webapi_port": null,
    "webapi_url": "https://mriqc.nimh.nih.gov/api/v1"
  },
  "size_t": 336,
  "size_x": 84,
  "size_y": 84,
  "size_z": 52,
  "snr": 4.3373506340000665,
  "spacing_tr": 1.0,
  "spacing_x": 2.5,
  "spacing_y": 2.5,
  "spacing_z": 2.5,
  "summary_bg_k": 23.98131273459661,
  "summary_bg_mad": 43.01921818690402,
  "summary_bg_mean": 201.7269744873047,
  "summary_bg_median": 64.2083511352539,
  "summary_bg_n": 219177.0,
  "summary_bg_p05": 29.464380264282227,
  "summary_bg_p95": 840.9084350585936,
  "summary_bg_stdv": 362.1441955566406,
  "summary_fg_k": 3.3033046120910123,
  "summary_fg_mad": 760.2752323714689,
  "summary_fg_mean": 4141.78369140625,
  "summary_fg_median": 3991.2373046875,
  "summary_fg_n": 85477.0,
  "summary_fg_p05": 3030.5970703125,
  "summary_fg_p95": 5843.159472656247,
  "summary_fg_stdv": 920.1962890625,
  "tsnr": 54.29672622680664
}