{
  "bids_meta": {
    "AcquisitionNumber": 1,
    "AcquisitionTime": "11:09:25",
    "BrainVoyagerInfo": {
      "CalculatedDicomSlice1CenterX": -86.56888580322266,
      "CalculatedDicomSlice1CenterY": -27.133880615234375,
      "CalculatedDicomSlice1CenterZ": -53.03697204589844,
      "CalculatedDicomSliceNCenterX": 88.43111419677734,
      "CalculatedDicomSliceNCenterY": -27.133880615234375,
      "CalculatedDicomSliceNCenterZ": -53.03697204589844,
      "CoordinateSystem": 1,
      "DicomColDirX": 0,
      "DicomColDirY": 0,
      "DicomColDirZ": -1,
      "DicomFoVCols": 256,
      "DicomFoVRows": 224,
      "DicomGapThickness": 0,
      "DicomNCols": 224,
      "DicomNRows": 256,
      "DicomPosInfoPresent": 1,
      "DicomRowDirX": 0,
      "DicomRowDirY": 1,
      "DicomRowDirZ": 0,
      "DicomSliceThickness": 1,
      "DocumentType": "VMR",
      "FramingCubeDim": 256,
      "MagnetPosInfosVerified": 1,
      "NrOfPastSpatialTransformations": 0,
      "NrOfPreprocessingSteps": 0,
      "OffsetX": 0,
      "OffsetY": 0,
      "OffsetZ": 0,
      "ReferenceSpace": "Native",
      "Version": 1
    },
    "ConversionSoftware": "BrainVoyager",
    "ConversionSoftwareVersion": "21.4.5.4030",
    "ImageNumber": 176,
    "ImageOrientationPatientDICOM": [
      0,
      1,
      0,
      0,
      0,
      -1
    ],
    "ImagePositionPatientDICOM": [
      88.431112647057,
      -138.63387298584,
      74.463027954102
    ],
    "ImageType": "ORIGINAL PRIMARY M ND NORM",
    "MagneticFieldStrength": 3,
    "Manufacturer": "SIEMENS",
    "ManufacturersModelName": "Prisma_fit",
    "Modality": "MR",
    "PatientPosition": "HFS",
    "RepetitionTime": 2.3,
    "SeriesDescription": "mprage_sag_p2",
    "SeriesNumber": 2,
    "SliceThickness": 1,
    "StudyDescription": "Culham^Psych_9223",
    "dataset": "ds003433",
    "modality": "T1w",
    "session_id": "01",
    "subject_id": "02"
  },
  "cjv": 0.342570342400282,
  "cnr": 3.877170079670613,
  "efc": 0.5420720962792829,
  "fber": -1.0,
  "fwhm_avg": 3.7856966666666665,
  "fwhm_x": 3.89949,
  "fwhm_y": 3.82471,
  "fwhm_z": 3.63289,
  "icvs_csf": 0.1950693314786744,
  "icvs_gm": 0.448634620083444,
  "icvs_wm": 0.3562960484378816,
  "inu_med": 0.47148317098617554,
  "inu_range": 0.1401230633258818,
  "provenance": {
    "md5sum": "7b933869adc19335c28dd5752695d321",
    "settings": {
      "testing": false
    },
    "software": "mriqc",
    "version": "22.0.6",
    "warnings": {
      "large_rot_frame": true,
      "small_air_mask": false
    },
    "webapi_port": null,
    "webapi_url": "https://mriqc.nimh.nih.gov/api/v1"
  },
  "qi_1": 0.0,
  "qi_2": 0.007971433534582649,
  "rpve_csf": 21.535657062483466,
  "rpve_gm": 10.11887703818669,
  "rpve_wm": 14.359378517383131,
  "size_x": 176,
  "size_y": 224,
  "size_z": 256,
  "snr_csf": 2.067157327139471,
  "snr_gm": 10.941870308604418,
  "snr_total": 12.081016109808454,
  "snr_wm": 23.234020693681472,
  "snrd_csf": 28.26850835148884,
  "snrd_gm": 73.41833439146272,
  "snrd_total": 68.85389297942278,
  "snrd_wm": 104.87483619531679,
  "spacing_x": 1.0,
  "spacing_y": 1.0,
  "spacing_z": 1.0,
  "summary_bg_k": 12.114696260094343,
  "summary_bg_mad": 0.0,
  "summary_bg_mean": 3.653542157250848,
  "summary_bg_median": 0.0,
  "summary_bg_n": 2213112.0,
  "summary_bg_p05": 0.0,
  "summary_bg_p95": 13.948211275041103,
  "summary_bg_stdv": 6.247049129214583,
  "summary_csf_k": 0.5361778441594374,
  "summary_csf_mad": 121.80214303861403,
  "summary_csf_mean": 275.3349496597213,
  "summary_csf_median": 269.5541882291436,
  "summary_csf_n": 29202.0,
  "summary_csf_p05": 62.46663039922714,
  "summary_csf_p95": 504.1043725647032,
  "summary_csf_stdv": 130.39625446643868,
  "summary_gm_k": 0.08551191651104784,
  "summary_gm_mad": 61.989474097231266,
  "summary_gm_mean": 700.2063333346847,
  "summary_gm_median": 700.0800778716803,
  "summary_gm_n": 44418.0,
  "summary_gm_p05": 594.2338430285454,
  "summary_gm_p95": 806.7271669507027,
  "summary_gm_stdv": 63.981035919149804,
  "summary_wm_k": 0.6437953247116797,
  "summary_wm_mad": 40.76562382770835,
  "summary_wm_mean": 999.8705631297091,
  "summary_wm_median": 1000.0333581380546,
  "summary_wm_n": 225702.0,
  "summary_wm_p05": 929.3913407474756,
  "summary_wm_p95": 1069.4073563218117,
  "summary_wm_stdv": 43.04167392874917,
  "tpm_overlap_csf": 0.14665706706297116,
  "tpm_overlap_gm": 0.47840974271972914,
  "tpm_overlap_wm": 0.5181827812401019,
  "wm2max": 0.5094862466424127
}