{
  "aor": 0.002896401179941003,
  "aqi": 0.01955685604719764,
  "bids_meta": {
    "AcquisitionNumber": 1,
    "AcquisitionTime": "14:28:01.010000",
    "BrainVoyagerInfo": {
      "AcquisitionTime": "142801.010000",
      "CalculatedDicomSlice1CenterX": -1.11236572265625,
      "CalculatedDicomSlice1CenterY": -24.638545989990234,
      "CalculatedDicomSlice1CenterZ": -82.4569091796875,
      "CalculatedDicomSliceNCenterX": -1.11236572265625,
      "CalculatedDicomSliceNCenterY": -1.8412624597549438,
      "CalculatedDicomSliceNCenterZ": 42.98843765258789,
      "CoordinateSystem": 1,
      "DataStorageFormat": 2,
      "DataType": 2,
      "DicomColDirX": 0,
      "DicomColDirY": 0.9838850498199463,
      "DicomColDirZ": -0.1788022220134735,
      "DicomFoVCols": 210,
      "DicomFoVRows": 210,
      "DicomGapThickness": 0,
      "DicomNCols": 84,
      "DicomNRows": 84,
      "DicomPosInfoPresent": 1,
      "DicomRowDirX": 1,
      "DicomRowDirY": 0,
      "DicomRowDirZ": 0,
      "DicomSliceThickness": 2.5,
      "DocumentType": "FMR",
      "MultiBandSequence": true,
      "NrOfPastSpatialTransformations": 0,
      "NrOfPreprocessingSteps": 0,
      "NrOfSkippedVolumes": 0,
      "Protocol": {
        "Conditions": [
          {
            "ColorB": 255,
            "ColorG": 128,
            "ColorR": 0,
            "IntervalsFrom": [
              66,
              132,
              180,
              277
            ],
            "IntervalsTo": [
              82,
              147,
              195,
              292
            ],
            "Name": "Body",
            "NrOfIntervals": 4
          },
          {
            "ColorB": 255,
            "ColorG": 0,
            "ColorR": 255,
            "IntervalsFrom": [
              49,
              148,
              196,
              261
            ],
            "IntervalsTo": [
              65,
              163,
              211,
              276
            ],
            "Name": "Face",
            "NrOfIntervals": 4
          },
          {
            "ColorB": 0,
            "ColorG": 168,
            "ColorR": 0,
            "IntervalsFrom": [
              17,
              116,
              212,
              309
            ],
            "IntervalsTo": [
              32,
              131,
              228,
              324
            ],
            "Name": "Hand",
            "NrOfIntervals": 4
          },
          {
            "ColorB": 102,
            "ColorG": 102,
            "ColorR": 102,
            "IntervalsFrom": [
              33,
              99,
              229,
              293
            ],
            "IntervalsTo": [
              48,
              115,
              244,
              308
            ],
            "Name": "Scrambled",
            "NrOfIntervals": 4
          }
        ],
        "FileName": "sub-17_ses-01_Localizer_run-2.prt",
        "Name": "newbi4fmri_Localizer",
        "NrOfConditions": 4,
        "TimeCourseColors": {
          "RefTCPenThick": 3,
          "RefTimeCourseB": 80,
          "RefTimeCourseG": 0,
          "RefTimeCourseR": 0,
          "TCBackColorB": 0,
          "TCBackColorG": 0,
          "TCBackColorR": 0,
          "TCPenThick": 3,
          "TCTextColorB": 255,
          "TCTextColorG": 255,
          "TCTextColorR": 255,
          "TimeCourseB": 255,
          "TimeCourseG": 255,
          "TimeCourseR": 255
        },
        "TimeResolution": "Volumes"
      },
      "SliceAcquisitionOrder": 5,
      "SliceAcquisitionOrderVerified": true,
      "SliceGap": 0,
      "SliceThickness": 2.5,
      "SliceTimingTable": [
        0,
        0.5275,
        0.075,
        0.6025,
        0.15,
        0.6775,
        0.2275,
        0.755,
        0.3025,
        0.83,
        0.3775,
        0.905,
        0.4525,
        0,
        0.5275,
        0.075,
        0.6025,
        0.15,
        0.6775,
        0.2275,
        0.755,
        0.3025,
        0.83,
        0.3775,
        0.905,
        0.4525,
        0,
        0.5275,
        0.075,
        0.6025,
        0.15,
        0.6775,
        0.2275,
        0.755,
        0.3025,
        0.83,
        0.3775,
        0.905,
        0.4525,
        0,
        0.5275,
        0.075,
        0.6025,
        0.15,
        0.6775,
        0.2275,
        0.755,
        0.3025,
        0.83,
        0.3775,
        0.905,
        0.4525
      ],
      "SliceTimingTableSize": 52,
      "TE": 0.028,
      "TR": 1,
      "TimeResolutionVerified": true,
      "Version": 1,
      "VoxelResolutionVerified": true
    },
    "ConversionSoftware": "BrainVoyager",
    "ConversionSoftwareVersion": "21.4.5.4030",
    "ImageNumber": 1,
    "ImageOrientationPatientDICOM": [
      1,
      0,
      0,
      0,
      0.98388503666185,
      -0.178802222114
    ],
    "ImagePositionPatientDICOM": [
      -839.86235119402,
      -849.8721260169,
      67.513461912699
    ],
    "ImageType": "ORIGINAL PRIMARY M MB ND NORM MOSAIC",
    "MagneticFieldStrength": 3,
    "Manufacturer": "SIEMENS",
    "ManufacturersModelName": "Prisma_fit",
    "Modality": "MR",
    "NrOfTemporalPositions": 0,
    "PatientPosition": "HFS",
    "RepetitionTime": 1,
    "SeriesDescription": "ep_mb4_localizer",
    "SeriesNumber": 4,
    "SiemensMosaicSliceAcqOrder": 3,
    "SiemensMosaicTE": 0.028,
    "SiemensMosaicTR": 1,
    "SliceThickness": 2.5,
    "SliceTiming": [
      0,
      0.5275,
      0.075,
      0.6025,
      0.15,
      0.6775,
      0.2275,
      0.755,
      0.3025,
      0.83,
      0.3775,
      0.905,
      0.4525,
      0,
      0.5275,
      0.075,
      0.6025,
      0.15,
      0.6775,
      0.2275,
      0.755,
      0.3025,
      0.83,
      0.3775,
      0.905,
      0.4525,
      0,
      0.5275,
      0.075,
      0.6025,
      0.15,
      0.6775,
      0.2275,
      0.755,
      0.3025,
      0.83,
      0.3775,
      0.905,
      0.4525,
      0,
      0.5275,
      0.075,
      0.6025,
      0.15,
      0.6775,
      0.2275,
      0.755,
      0.3025,
      0.83,
      0.3775,
      0.905,
      0.4525
    ],
    "StudyDescription": "newbi4fmri_Localizer",
    "TaskName": "newbi4fmri_Localizer",
    "dataset": "ds003433",
    "modality": "bold",
    "run_id": 2,
    "session_id": "01",
    "subject_id": "17",
    "task_id": "Localizer"
  },
  "dummy_trs": 1,
  "dvars_nstd": 31.24411923236687,
  "dvars_std": 1.0673405133727805,
  "dvars_vstd": 0.9164003175443778,
  "efc": 0.5634840469875677,
  "fber": 3366.116455078125,
  "fd_mean": 0.170485896558621,
  "fd_num": 53,
  "fd_perc": 15.634218289085545,
  "fwhm_avg": 1.9769053333333335,
  "fwhm_x": 1.830948,
  "fwhm_y": 2.150016,
  "fwhm_z": 1.9497520000000002,
  "gcor": 0.0259089,
  "gsr_x": -0.010140778496861458,
  "gsr_y": 0.03232349082827568,
  "provenance": {
    "md5sum": "787dad3401570988f8efdbe261978d0d",
    "settings": {
      "fd_thres": 0.2,
      "testing": false
    },
    "software": "mriqc",
    "version": "22.0.6",
    "webapi_port": null,
    "webapi_url": "https://mriqc.nimh.nih.gov/api/v1"
  },
  "size_t": 339,
  "size_x": 84,
  "size_y": 84,
  "size_z": 52,
  "snr": 5.5012296406439845,
  "spacing_tr": 1.0,
  "spacing_x": 2.5,
  "spacing_y": 2.5,
  "spacing_z": 2.5,
  "summary_bg_k": 20.09288301369718,
  "summary_bg_mad": 50.433145499369914,
  "summary_bg_mean": 226.56515502929688,
  "summary_bg_median": 71.61873626708984,
  "summary_bg_n": 213578.0,
  "summary_bg_p05": 31.884937000274657,
  "summary_bg_p95": 950.3970214843749,
  "summary_bg_stdv": 398.1827392578125,
  "summary_fg_k": 4.4583619735436075,
  "summary_fg_mad": 674.0714691999796,
  "summary_fg_mean": 4358.798828125,
  "summary_fg_median": 4259.1728515625,
  "summary_fg_n": 89631.0,
  "summary_fg_p05": 3369.3050537109375,
  "summary_fg_p95": 5657.622802734375,
  "summary_fg_stdv": 774.2176513671875,
  "tsnr": 39.69776916503906
}