{
  "aor": 0.00023863501483679527,
  "aqi": 0.005492202551928783,
  "bids_meta": {
    "AcquisitionNumber": 1,
    "AcquisitionTime": "11:25:45.092500",
    "BrainVoyagerInfo": {
      "AcquisitionTime": "112545.092500",
      "CalculatedDicomSlice1CenterX": -1.11236572265625,
      "CalculatedDicomSlice1CenterY": -39.4343376159668,
      "CalculatedDicomSlice1CenterZ": -81.44873809814453,
      "CalculatedDicomSliceNCenterX": -1.11236572265625,
      "CalculatedDicomSliceNCenterY": 16.257896423339844,
      "CalculatedDicomSliceNCenterZ": 33.24488067626953,
      "CoordinateSystem": 1,
      "DataStorageFormat": 2,
      "DataType": 2,
      "DicomColDirX": 0,
      "DicomColDirY": 0.8995577692985535,
      "DicomColDirZ": -0.43680182099342346,
      "DicomFoVCols": 210,
      "DicomFoVRows": 210,
      "DicomGapThickness": 0,
      "DicomNCols": 84,
      "DicomNRows": 84,
      "DicomPosInfoPresent": 1,
      "DicomRowDirX": 1,
      "DicomRowDirY": 0,
      "DicomRowDirZ": 0,
      "DicomSliceThickness": 2.5,
      "DocumentType": "FMR",
      "MultiBandSequence": true,
      "NrOfPastSpatialTransformations": 0,
      "NrOfPreprocessingSteps": 0,
      "NrOfSkippedVolumes": 0,
      "Protocol": {
        "Conditions": [
          {
            "ColorB": 255,
            "ColorG": 128,
            "ColorR": 0,
            "IntervalsFrom": [
              65,
              129,
              177,
              273
            ],
            "IntervalsTo": [
              80,
              144,
              192,
              288
            ],
            "Name": "Body",
            "NrOfIntervals": 4
          },
          {
            "ColorB": 255,
            "ColorG": 0,
            "ColorR": 255,
            "IntervalsFrom": [
              49,
              145,
              193,
              257
            ],
            "IntervalsTo": [
              64,
              160,
              208,
              272
            ],
            "Name": "Face",
            "NrOfIntervals": 4
          },
          {
            "ColorB": 0,
            "ColorG": 168,
            "ColorR": 0,
            "IntervalsFrom": [
              17,
              113,
              209,
              305
            ],
            "IntervalsTo": [
              32,
              128,
              224,
              320
            ],
            "Name": "Hand",
            "NrOfIntervals": 4
          },
          {
            "ColorB": 102,
            "ColorG": 102,
            "ColorR": 102,
            "IntervalsFrom": [
              33,
              97,
              225,
              289
            ],
            "IntervalsTo": [
              48,
              112,
              240,
              304
            ],
            "Name": "Scrambled",
            "NrOfIntervals": 4
          }
        ],
        "FileName": "sub-01_ses-01_Localizer_run-2.prt",
        "Name": "newbi4fmri_Localizer",
        "NrOfConditions": 4,
        "TimeCourseColors": {
          "RefTCPenThick": 3,
          "RefTimeCourseB": 80,
          "RefTimeCourseG": 0,
          "RefTimeCourseR": 0,
          "TCBackColorB": 0,
          "TCBackColorG": 0,
          "TCBackColorR": 0,
          "TCPenThick": 3,
          "TCTextColorB": 255,
          "TCTextColorG": 255,
          "TCTextColorR": 255,
          "TimeCourseB": 255,
          "TimeCourseG": 255,
          "TimeCourseR": 255
        },
        "TimeResolution": "Volumes"
      },
      "SliceAcquisitionOrder": 5,
      "SliceAcquisitionOrderVerified": true,
      "SliceGap": 0,
      "SliceThickness": 2.5,
      "SliceTimingTable": [
        0,
        0.5275,
        0.075,
        0.6025,
        0.15,
        0.6775,
        0.225,
        0.7525,
        0.3,
        0.8275,
        0.375,
        0.905,
        0.4525,
        0,
        0.5275,
        0.075,
        0.6025,
        0.15,
        0.6775,
        0.225,
        0.7525,
        0.3,
        0.8275,
        0.375,
        0.905,
        0.4525,
        0,
        0.5275,
        0.075,
        0.6025,
        0.15,
        0.6775,
        0.225,
        0.7525,
        0.3,
        0.8275,
        0.375,
        0.905,
        0.4525,
        0,
        0.5275,
        0.075,
        0.6025,
        0.15,
        0.6775,
        0.225,
        0.7525,
        0.3,
        0.8275,
        0.375,
        0.905,
        0.4525
      ],
      "SliceTimingTableSize": 52,
      "TE": 0.028,
      "TR": 1,
      "TimeResolutionVerified": true,
      "Version": 1,
      "VoxelResolutionVerified": true
    },
    "ConversionSoftware": "BrainVoyager",
    "ConversionSoftwareVersion": "21.4.5.4030",
    "ImageNumber": 1,
    "ImageOrientationPatientDICOM": [
      1,
      0,
      0,
      0,
      0.8995577691473,
      -0.4368018085662
    ],
    "ImagePositionPatientDICOM": [
      -839.86235119402,
      -793.9384244602,
      284.91879873665
    ],
    "ImageType": "ORIGINAL PRIMARY M MB ND NORM MOSAIC",
    "MagneticFieldStrength": 3,
    "Manufacturer": "SIEMENS",
    "ManufacturersModelName": "Prisma_fit",
    "Modality": "MR",
    "NrOfTemporalPositions": 0,
    "PatientPosition": "HFS",
    "RepetitionTime": 1,
    "SeriesDescription": "ep_mb4_localizer",
    "SeriesNumber": 4,
    "SiemensMosaicSliceAcqOrder": 3,
    "SiemensMosaicTE": 0.028,
    "SiemensMosaicTR": 1,
    "SliceThickness": 2.5,
    "SliceTiming": [
      0,
      0.5275,
      0.075,
      0.6025,
      0.15,
      0.6775,
      0.225,
      0.7525,
      0.3,
      0.8275,
      0.375,
      0.905,
      0.4525,
      0,
      0.5275,
      0.075,
      0.6025,
      0.15,
      0.6775,
      0.225,
      0.7525,
      0.3,
      0.8275,
      0.375,
      0.905,
      0.4525,
      0,
      0.5275,
      0.075,
      0.6025,
      0.15,
      0.6775,
      0.225,
      0.7525,
      0.3,
      0.8275,
      0.375,
      0.905,
      0.4525,
      0,
      0.5275,
      0.075,
      0.6025,
      0.15,
      0.6775,
      0.225,
      0.7525,
      0.3,
      0.8275,
      0.375,
      0.905,
      0.4525
    ],
    "StudyDescription": "newbi4fmri_Localizer",
    "TaskName": "newbi4fmri_Localizer",
    "dataset": "ds003433",
    "modality": "bold",
    "run_id": 2,
    "session_id": "01",
    "subject_id": "01",
    "task_id": "Localizer"
  },
  "dummy_trs": 3,
  "dvars_nstd": 24.908368661339296,
  "dvars_std": 1.1033299359523807,
  "dvars_vstd": 0.9935353593154759,
  "efc": 0.5181032098176723,
  "fber": 3349.32177734375,
  "fd_mean": 0.10440340447829137,
  "fd_num": 9,
  "fd_perc": 2.6706231454005933,
  "fwhm_avg": 2.141126666666667,
  "fwhm_x": 2.037824,
  "fwhm_y": 2.315448,
  "fwhm_z": 2.0701080000000003,
  "gcor": 0.0085531,
  "gsr_x": -0.009026185609400272,
  "gsr_y": 0.03291195631027222,
  "provenance": {
    "md5sum": "18d84cc2bed633635f10d15059f19136",
    "settings": {
      "fd_thres": 0.2,
      "testing": false
    },
    "software": "mriqc",
    "version": "22.0.6",
    "webapi_port": null,
    "webapi_url": "https://mriqc.nimh.nih.gov/api/v1"
  },
  "size_t": 337,
  "size_x": 84,
  "size_y": 84,
  "size_z": 52,
  "snr": 4.797972955555378,
  "spacing_tr": 1.0,
  "spacing_x": 2.5,
  "spacing_y": 2.5,
  "spacing_z": 2.5,
  "summary_bg_k": 20.739436960034276,
  "summary_bg_mad": 43.95371162244288,
  "summary_bg_mean": 194.12193298339844,
  "summary_bg_median": 63.825897216796875,
  "summary_bg_n": 234746.0,
  "summary_bg_p05": 29.70428228378296,
  "summary_bg_p95": 805.5612335205078,
  "summary_bg_stdv": 349.2696533203125,
  "summary_fg_k": 4.9528812671422315,
  "summary_fg_mad": 600.2407020331722,
  "summary_fg_mean": 3899.162841796875,
  "summary_fg_median": 3781.1181640625,
  "summary_fg_n": 71512.0,
  "summary_fg_p05": 2946.144396972656,
  "summary_fg_p95": 5275.248779296874,
  "summary_fg_stdv": 788.0602416992188,
  "tsnr": 59.86553192138672
}