{
  "aor": 0.0004920353982300884,
  "aqi": 0.004920572890855458,
  "bids_meta": {
    "AcquisitionNumber": 1,
    "AcquisitionTime": "14:23:30.980000",
    "BrainVoyagerInfo": {
      "AcquisitionTime": "142330.980000",
      "CalculatedDicomSlice1CenterX": -1.11236572265625,
      "CalculatedDicomSlice1CenterY": -29.668502807617188,
      "CalculatedDicomSlice1CenterZ": -81.42932891845703,
      "CalculatedDicomSliceNCenterX": -1.11236572265625,
      "CalculatedDicomSliceNCenterY": 14.14810848236084,
      "CalculatedDicomSliceNCenterZ": 38.30519104003906,
      "CoordinateSystem": 1,
      "DataStorageFormat": 2,
      "DataType": 2,
      "DicomColDirX": 0,
      "DicomColDirY": 0.9390942454338074,
      "DicomColDirZ": -0.3436596989631653,
      "DicomFoVCols": 210,
      "DicomFoVRows": 210,
      "DicomGapThickness": 0,
      "DicomNCols": 84,
      "DicomNRows": 84,
      "DicomPosInfoPresent": 1,
      "DicomRowDirX": 1,
      "DicomRowDirY": 0,
      "DicomRowDirZ": 0,
      "DicomSliceThickness": 2.5,
      "DocumentType": "FMR",
      "MultiBandSequence": true,
      "NrOfPastSpatialTransformations": 0,
      "NrOfPreprocessingSteps": 0,
      "NrOfSkippedVolumes": 0,
      "Protocol": {
        "Conditions": [
          {
            "ColorB": 255,
            "ColorG": 128,
            "ColorR": 0,
            "IntervalsFrom": [
              65,
              129,
              177,
              273
            ],
            "IntervalsTo": [
              80,
              144,
              192,
              288
            ],
            "Name": "Body",
            "NrOfIntervals": 4
          },
          {
            "ColorB": 255,
            "ColorG": 0,
            "ColorR": 255,
            "IntervalsFrom": [
              49,
              145,
              193,
              257
            ],
            "IntervalsTo": [
              64,
              160,
              208,
              272
            ],
            "Name": "Face",
            "NrOfIntervals": 4
          },
          {
            "ColorB": 0,
            "ColorG": 168,
            "ColorR": 0,
            "IntervalsFrom": [
              17,
              113,
              209,
              305
            ],
            "IntervalsTo": [
              32,
              128,
              224,
              320
            ],
            "Name": "Hand",
            "NrOfIntervals": 4
          },
          {
            "ColorB": 102,
            "ColorG": 102,
            "ColorR": 102,
            "IntervalsFrom": [
              33,
              97,
              225,
              289
            ],
            "IntervalsTo": [
              48,
              112,
              240,
              304
            ],
            "Name": "Scrambled",
            "NrOfIntervals": 4
          }
        ],
        "FileName": "sub-09_ses-01_Localizer_run-2.prt",
        "Name": "newbi4fmri_Localizer",
        "NrOfConditions": 4,
        "TimeCourseColors": {
          "RefTCPenThick": 3,
          "RefTimeCourseB": 80,
          "RefTimeCourseG": 0,
          "RefTimeCourseR": 0,
          "TCBackColorB": 0,
          "TCBackColorG": 0,
          "TCBackColorR": 0,
          "TCPenThick": 3,
          "TCTextColorB": 255,
          "TCTextColorG": 255,
          "TCTextColorR": 255,
          "TimeCourseB": 255,
          "TimeCourseG": 255,
          "TimeCourseR": 255
        },
        "TimeResolution": "Volumes"
      },
      "SliceAcquisitionOrder": 5,
      "SliceAcquisitionOrderVerified": true,
      "SliceGap": 0,
      "SliceThickness": 2.5,
      "SliceTimingTable": [
        0,
        0.5275,
        0.075,
        0.6025,
        0.15,
        0.6775,
        0.225,
        0.7525,
        0.3025,
        0.83,
        0.3775,
        0.905,
        0.4525,
        0,
        0.5275,
        0.075,
        0.6025,
        0.15,
        0.6775,
        0.225,
        0.7525,
        0.3025,
        0.83,
        0.3775,
        0.905,
        0.4525,
        0,
        0.5275,
        0.075,
        0.6025,
        0.15,
        0.6775,
        0.225,
        0.7525,
        0.3025,
        0.83,
        0.3775,
        0.905,
        0.4525,
        0,
        0.5275,
        0.075,
        0.6025,
        0.15,
        0.6775,
        0.225,
        0.7525,
        0.3025,
        0.83,
        0.3775,
        0.905,
        0.4525
      ],
      "SliceTimingTableSize": 52,
      "TE": 0.028,
      "TR": 1,
      "TimeResolutionVerified": true,
      "Version": 1,
      "VoxelResolutionVerified": true
    },
    "ConversionSoftware": "BrainVoyager",
    "ConversionSoftwareVersion": "21.4.5.4030",
    "ImageNumber": 1,
    "ImageOrientationPatientDICOM": [
      1,
      0,
      0,
      0,
      0.93909425023975,
      -0.3436596996545
    ],
    "ImagePositionPatientDICOM": [
      -839.86235119402,
      -817.33379910764,
      206.81525336165
    ],
    "ImageType": "ORIGINAL PRIMARY M MB ND NORM MOSAIC",
    "MagneticFieldStrength": 3,
    "Manufacturer": "SIEMENS",
    "ManufacturersModelName": "Prisma_fit",
    "Modality": "MR",
    "NrOfTemporalPositions": 0,
    "PatientPosition": "HFS",
    "RepetitionTime": 1,
    "SeriesDescription": "ep_mb4_localizer",
    "SeriesNumber": 4,
    "SiemensMosaicSliceAcqOrder": 3,
    "SiemensMosaicTE": 0.028,
    "SiemensMosaicTR": 1,
    "SliceThickness": 2.5,
    "SliceTiming": [
      0,
      0.5275,
      0.075,
      0.6025,
      0.15,
      0.6775,
      0.225,
      0.7525,
      0.3025,
      0.83,
      0.3775,
      0.905,
      0.4525,
      0,
      0.5275,
      0.075,
      0.6025,
      0.15,
      0.6775,
      0.225,
      0.7525,
      0.3025,
      0.83,
      0.3775,
      0.905,
      0.4525,
      0,
      0.5275,
      0.075,
      0.6025,
      0.15,
      0.6775,
      0.225,
      0.7525,
      0.3025,
      0.83,
      0.3775,
      0.905,
      0.4525,
      0,
      0.5275,
      0.075,
      0.6025,
      0.15,
      0.6775,
      0.225,
      0.7525,
      0.3025,
      0.83,
      0.3775,
      0.905,
      0.4525
    ],
    "StudyDescription": "newbi4fmri_Localizer",
    "TaskName": "newbi4fmri_Localizer",
    "dataset": "ds003433",
    "modality": "bold",
    "run_id": 2,
    "session_id": "01",
    "subject_id": "09",
    "task_id": "Localizer"
  },
  "dummy_trs": 1,
  "dvars_nstd": 32.32334607026628,
  "dvars_std": 1.334644432100592,
  "dvars_vstd": 1.0055110656213022,
  "efc": 0.5160513871153198,
  "fber": 3410.48095703125,
  "fd_mean": 0.112109366478039,
  "fd_num": 6,
  "fd_perc": 1.7699115044247788,
  "fwhm_avg": 2.0289813333333333,
  "fwhm_x": 1.9439800000000003,
  "fwhm_y": 2.133936,
  "fwhm_z": 2.009028,
  "gcor": 0.0111114,
  "gsr_x": -0.0015016812831163406,
  "gsr_y": 0.009578683413565159,
  "provenance": {
    "md5sum": "3315e8d5cc0b63660763e95e54b6a900",
    "settings": {
      "fd_thres": 0.2,
      "testing": false
    },
    "software": "mriqc",
    "version": "22.0.6",
    "webapi_port": null,
    "webapi_url": "https://mriqc.nimh.nih.gov/api/v1"
  },
  "size_t": 339,
  "size_x": 84,
  "size_y": 84,
  "size_z": 52,
  "snr": 5.132562191106659,
  "spacing_tr": 1.0,
  "spacing_x": 2.5,
  "spacing_y": 2.5,
  "spacing_z": 2.5,
  "summary_bg_k": 33.11013155206521,
  "summary_bg_mad": 39.28234730208122,
  "summary_bg_mean": 160.64755249023438,
  "summary_bg_median": 61.60334014892578,
  "summary_bg_n": 231662.0,
  "summary_bg_p05": 28.56505079269409,
  "summary_bg_p95": 558.078997802733,
  "summary_bg_stdv": 317.5008239746094,
  "summary_fg_k": 3.1551873057850566,
  "summary_fg_mad": 662.4151607911573,
  "summary_fg_mean": 3765.279296875,
  "summary_fg_median": 3677.798583984375,
  "summary_fg_n": 74885.0,
  "summary_fg_p05": 2807.478076171875,
  "summary_fg_p95": 4964.61484375,
  "summary_fg_stdv": 716.55712890625,
  "tsnr": 64.63225555419922
}