{
  "aor": 0.0002922485207100592,
  "aqi": 0.0070373356804733726,
  "bids_meta": {
    "AcquisitionNumber": 1,
    "AcquisitionTime": "13:25:03.195000",
    "BrainVoyagerInfo": {
      "AcquisitionTime": "132503.195000",
      "CalculatedDicomSlice1CenterX": -1.11236572265625,
      "CalculatedDicomSlice1CenterY": -36.137413024902344,
      "CalculatedDicomSlice1CenterZ": -82.17372131347656,
      "CalculatedDicomSliceNCenterX": -1.11236572265625,
      "CalculatedDicomSliceNCenterY": 13.885570526123047,
      "CalculatedDicomSliceNCenterZ": 35.103519439697266,
      "CoordinateSystem": 1,
      "DataStorageFormat": 2,
      "DataType": 2,
      "DicomColDirX": 0,
      "DicomColDirY": 0.9198215007781982,
      "DicomColDirZ": -0.3923371136188507,
      "DicomFoVCols": 210,
      "DicomFoVRows": 210,
      "DicomGapThickness": 0,
      "DicomNCols": 84,
      "DicomNRows": 84,
      "DicomPosInfoPresent": 1,
      "DicomRowDirX": 1,
      "DicomRowDirY": 0,
      "DicomRowDirZ": 0,
      "DicomSliceThickness": 2.5,
      "DocumentType": "FMR",
      "MultiBandSequence": true,
      "NrOfPastSpatialTransformations": 0,
      "NrOfPreprocessingSteps": 0,
      "NrOfSkippedVolumes": 0,
      "Protocol": {
        "Conditions": [
          {
            "ColorB": 255,
            "ColorG": 128,
            "ColorR": 0,
            "IntervalsFrom": [
              17,
              113,
              227,
              292
            ],
            "IntervalsTo": [
              32,
              128,
              243,
              307
            ],
            "Name": "Body",
            "NrOfIntervals": 4
          },
          {
            "ColorB": 255,
            "ColorG": 0,
            "ColorR": 255,
            "IntervalsFrom": [
              33,
              97,
              211,
              308
            ],
            "IntervalsTo": [
              48,
              112,
              226,
              324
            ],
            "Name": "Face",
            "NrOfIntervals": 4
          },
          {
            "ColorB": 0,
            "ColorG": 168,
            "ColorR": 0,
            "IntervalsFrom": [
              49,
              146,
              179,
              276
            ],
            "IntervalsTo": [
              64,
              162,
              194,
              291
            ],
            "Name": "Hand",
            "NrOfIntervals": 4
          },
          {
            "ColorB": 102,
            "ColorG": 102,
            "ColorR": 102,
            "IntervalsFrom": [
              65,
              129,
              195,
              260
            ],
            "IntervalsTo": [
              80,
              145,
              210,
              275
            ],
            "Name": "Scrambled",
            "NrOfIntervals": 4
          }
        ],
        "FileName": "sub-06_ses-01_Localizer_run-2.prt",
        "Name": "newbi4fmri_Localizer",
        "NrOfConditions": 4,
        "TimeCourseColors": {
          "RefTCPenThick": 3,
          "RefTimeCourseB": 80,
          "RefTimeCourseG": 0,
          "RefTimeCourseR": 0,
          "TCBackColorB": 0,
          "TCBackColorG": 0,
          "TCBackColorR": 0,
          "TCPenThick": 3,
          "TCTextColorB": 255,
          "TCTextColorG": 255,
          "TCTextColorR": 255,
          "TimeCourseB": 255,
          "TimeCourseG": 255,
          "TimeCourseR": 255
        },
        "TimeResolution": "Volumes"
      },
      "SliceAcquisitionOrder": 5,
      "SliceAcquisitionOrderVerified": true,
      "SliceGap": 0,
      "SliceThickness": 2.5,
      "SliceTimingTable": [
        0,
        0.5275,
        0.075,
        0.6025,
        0.15,
        0.68,
        0.2275,
        0.755,
        0.3025,
        0.83,
        0.3775,
        0.905,
        0.4525,
        0,
        0.5275,
        0.075,
        0.6025,
        0.15,
        0.68,
        0.2275,
        0.755,
        0.3025,
        0.83,
        0.3775,
        0.905,
        0.4525,
        0,
        0.5275,
        0.075,
        0.6025,
        0.15,
        0.68,
        0.2275,
        0.755,
        0.3025,
        0.83,
        0.3775,
        0.905,
        0.4525,
        0,
        0.5275,
        0.075,
        0.6025,
        0.15,
        0.68,
        0.2275,
        0.755,
        0.3025,
        0.83,
        0.3775,
        0.905,
        0.4525
      ],
      "SliceTimingTableSize": 52,
      "TE": 0.028,
      "TR": 1,
      "TimeResolutionVerified": true,
      "Version": 1,
      "VoxelResolutionVerified": true
    },
    "ConversionSoftware": "BrainVoyager",
    "ConversionSoftwareVersion": "21.4.5.4030",
    "ImageNumber": 1,
    "ImageOrientationPatientDICOM": [
      1,
      0,
      0,
      0,
      0.91982149580192,
      -0.3923371201667
    ],
    "ImagePositionPatientDICOM": [
      -839.86235119402,
      -807.63770066917,
      246.89902688732
    ],
    "ImageType": "ORIGINAL PRIMARY M MB ND NORM MOSAIC",
    "MagneticFieldStrength": 3,
    "Manufacturer": "SIEMENS",
    "ManufacturersModelName": "Prisma_fit",
    "Modality": "MR",
    "NrOfTemporalPositions": 0,
    "PatientPosition": "HFS",
    "RepetitionTime": 1,
    "SeriesDescription": "ep_mb4_localizer",
    "SeriesNumber": 4,
    "SiemensMosaicSliceAcqOrder": 3,
    "SiemensMosaicTE": 0.028,
    "SiemensMosaicTR": 1,
    "SliceThickness": 2.5,
    "SliceTiming": [
      0,
      0.5275,
      0.075,
      0.6025,
      0.15,
      0.68,
      0.2275,
      0.755,
      0.3025,
      0.83,
      0.3775,
      0.905,
      0.4525,
      0,
      0.5275,
      0.075,
      0.6025,
      0.15,
      0.68,
      0.2275,
      0.755,
      0.3025,
      0.83,
      0.3775,
      0.905,
      0.4525,
      0,
      0.5275,
      0.075,
      0.6025,
      0.15,
      0.68,
      0.2275,
      0.755,
      0.3025,
      0.83,
      0.3775,
      0.905,
      0.4525,
      0,
      0.5275,
      0.075,
      0.6025,
      0.15,
      0.68,
      0.2275,
      0.755,
      0.3025,
      0.83,
      0.3775,
      0.905,
      0.4525
    ],
    "StudyDescription": "newbi4fmri_Localizer",
    "TaskName": "newbi4fmri_Localizer",
    "dataset": "ds003433",
    "modality": "bold",
    "run_id": 2,
    "session_id": "01",
    "subject_id": "06",
    "task_id": "Localizer"
  },
  "dummy_trs": 2,
  "dvars_nstd": 28.247339684510383,
  "dvars_std": 1.1978866703560827,
  "dvars_vstd": 0.9938388580712153,
  "efc": 0.4845040507790878,
  "fber": 3819.32373046875,
  "fd_mean": 0.14691507842187435,
  "fd_num": 82,
  "fd_perc": 24.2603550295858,
  "fwhm_avg": 1.9596,
  "fwhm_x": 1.8154,
  "fwhm_y": 2.1064119999999997,
  "fwhm_z": 1.9569880000000002,
  "gcor": 0.00742822,
  "gsr_x": -0.011904340237379074,
  "gsr_y": 0.018397266045212746,
  "provenance": {
    "md5sum": "29e344bc855c776d2fe44ee85eb679ca",
    "settings": {
      "fd_thres": 0.2,
      "testing": false
    },
    "software": "mriqc",
    "version": "22.0.6",
    "webapi_port": null,
    "webapi_url": "https://mriqc.nimh.nih.gov/api/v1"
  },
  "size_t": 338,
  "size_x": 84,
  "size_y": 84,
  "size_z": 52,
  "snr": 5.372841857384536,
  "spacing_tr": 1.0,
  "spacing_x": 2.5,
  "spacing_y": 2.5,
  "spacing_z": 2.5,
  "summary_bg_k": 36.99876870757622,
  "summary_bg_mad": 28.99371206634583,
  "summary_bg_mean": 122.19275665283203,
  "summary_bg_median": 53.55552673339844,
  "summary_bg_n": 242949.0,
  "summary_bg_p05": 28.81736488342285,
  "summary_bg_p95": 410.41749267578115,
  "summary_bg_stdv": 224.38650512695312,
  "summary_fg_k": 5.899937879842648,
  "summary_fg_mad": 516.0903574128504,
  "summary_fg_mean": 3445.09765625,
  "summary_fg_median": 3363.9443359375,
  "summary_fg_n": 64970.0,
  "summary_fg_p05": 2673.4889404296873,
  "summary_fg_p95": 4458.558862304687,
  "summary_fg_stdv": 626.0966796875,
  "tsnr": 58.71428680419922
}