{
  "aor": 0.0019157784431137726,
  "aqi": 0.010732244580838324,
  "bids_meta": {
    "AcquisitionNumber": 1,
    "AcquisitionTime": "11:28:51.462500",
    "BrainVoyagerInfo": {
      "AcquisitionTime": "112851.462500",
      "CalculatedDicomSlice1CenterX": -1.11236572265625,
      "CalculatedDicomSlice1CenterY": -27.94639015197754,
      "CalculatedDicomSlice1CenterZ": -67.47756958007812,
      "CalculatedDicomSliceNCenterX": -1.11236572265625,
      "CalculatedDicomSliceNCenterY": 13.984108924865723,
      "CalculatedDicomSliceNCenterZ": 52.930416107177734,
      "CoordinateSystem": 1,
      "DataStorageFormat": 2,
      "DataType": 2,
      "DicomColDirX": 0,
      "DicomColDirY": 0.9443763494491577,
      "DicomColDirZ": -0.3288666605949402,
      "DicomFoVCols": 210,
      "DicomFoVRows": 210,
      "DicomGapThickness": 0,
      "DicomNCols": 84,
      "DicomNRows": 84,
      "DicomPosInfoPresent": 1,
      "DicomRowDirX": 1,
      "DicomRowDirY": 0,
      "DicomRowDirZ": 0,
      "DicomSliceThickness": 2.5,
      "DocumentType": "FMR",
      "MultiBandSequence": true,
      "NrOfPastSpatialTransformations": 0,
      "NrOfPreprocessingSteps": 0,
      "NrOfSkippedVolumes": 0,
      "Protocol": {
        "Conditions": [
          {
            "ColorB": 255,
            "ColorG": 128,
            "ColorR": 0,
            "IntervalsFrom": [
              65,
              129,
              177,
              273
            ],
            "IntervalsTo": [
              80,
              144,
              192,
              288
            ],
            "Name": "Body",
            "NrOfIntervals": 4
          },
          {
            "ColorB": 255,
            "ColorG": 0,
            "ColorR": 255,
            "IntervalsFrom": [
              49,
              145,
              193,
              257
            ],
            "IntervalsTo": [
              64,
              160,
              208,
              272
            ],
            "Name": "Face",
            "NrOfIntervals": 4
          },
          {
            "ColorB": 0,
            "ColorG": 168,
            "ColorR": 0,
            "IntervalsFrom": [
              17,
              113,
              209,
              305
            ],
            "IntervalsTo": [
              32,
              128,
              224,
              320
            ],
            "Name": "Hand",
            "NrOfIntervals": 4
          },
          {
            "ColorB": 102,
            "ColorG": 102,
            "ColorR": 102,
            "IntervalsFrom": [
              33,
              97,
              225,
              289
            ],
            "IntervalsTo": [
              48,
              112,
              240,
              304
            ],
            "Name": "Scrambled",
            "NrOfIntervals": 4
          }
        ],
        "FileName": "sub-14_ses-01_Localizer_run-2.prt",
        "Name": "newbi4fmri_Localizer",
        "NrOfConditions": 4,
        "TimeCourseColors": {
          "RefTCPenThick": 3,
          "RefTimeCourseB": 80,
          "RefTimeCourseG": 0,
          "RefTimeCourseR": 0,
          "TCBackColorB": 0,
          "TCBackColorG": 0,
          "TCBackColorR": 0,
          "TCPenThick": 3,
          "TCTextColorB": 255,
          "TCTextColorG": 255,
          "TCTextColorR": 255,
          "TimeCourseB": 255,
          "TimeCourseG": 255,
          "TimeCourseR": 255
        },
        "TimeResolution": "Volumes"
      },
      "SliceAcquisitionOrder": 5,
      "SliceAcquisitionOrderVerified": true,
      "SliceGap": 0,
      "SliceThickness": 2.5,
      "SliceTimingTable": [
        0,
        0.5275,
        0.075,
        0.6025,
        0.1525,
        0.68,
        0.2275,
        0.755,
        0.3025,
        0.83,
        0.3775,
        0.905,
        0.4525,
        0,
        0.5275,
        0.075,
        0.6025,
        0.1525,
        0.68,
        0.2275,
        0.755,
        0.3025,
        0.83,
        0.3775,
        0.905,
        0.4525,
        0,
        0.5275,
        0.075,
        0.6025,
        0.1525,
        0.68,
        0.2275,
        0.755,
        0.3025,
        0.83,
        0.3775,
        0.905,
        0.4525,
        0,
        0.5275,
        0.075,
        0.6025,
        0.1525,
        0.68,
        0.2275,
        0.755,
        0.3025,
        0.83,
        0.3775,
        0.905,
        0.4525
      ],
      "SliceTimingTableSize": 52,
      "TE": 0.028,
      "TR": 1,
      "TimeResolutionVerified": true,
      "Version": 1,
      "VoxelResolutionVerified": true
    },
    "ConversionSoftware": "BrainVoyager",
    "ConversionSoftwareVersion": "21.4.5.4030",
    "ImageNumber": 1,
    "ImageOrientationPatientDICOM": [
      1,
      0,
      0,
      0,
      0.94437636797866,
      -0.328866653225
    ],
    "ImagePositionPatientDICOM": [
      -839.86235119402,
      -820.04204113088,
      208.3593473516
    ],
    "ImageType": "ORIGINAL PRIMARY M MB ND NORM MOSAIC",
    "MagneticFieldStrength": 3,
    "Manufacturer": "SIEMENS",
    "ManufacturersModelName": "Prisma_fit",
    "Modality": "MR",
    "NrOfTemporalPositions": 0,
    "PatientPosition": "HFS",
    "RepetitionTime": 1,
    "SeriesDescription": "ep_mb4_localizer",
    "SeriesNumber": 4,
    "SiemensMosaicSliceAcqOrder": 3,
    "SiemensMosaicTE": 0.028,
    "SiemensMosaicTR": 1,
    "SliceThickness": 2.5,
    "SliceTiming": [
      0,
      0.5275,
      0.075,
      0.6025,
      0.1525,
      0.68,
      0.2275,
      0.755,
      0.3025,
      0.83,
      0.3775,
      0.905,
      0.4525,
      0,
      0.5275,
      0.075,
      0.6025,
      0.1525,
      0.68,
      0.2275,
      0.755,
      0.3025,
      0.83,
      0.3775,
      0.905,
      0.4525,
      0,
      0.5275,
      0.075,
      0.6025,
      0.1525,
      0.68,
      0.2275,
      0.755,
      0.3025,
      0.83,
      0.3775,
      0.905,
      0.4525,
      0,
      0.5275,
      0.075,
      0.6025,
      0.1525,
      0.68,
      0.2275,
      0.755,
      0.3025,
      0.83,
      0.3775,
      0.905,
      0.4525
    ],
    "StudyDescription": "newbi4fmri_Localizer",
    "TaskName": "newbi4fmri_Localizer",
    "dataset": "ds003433",
    "modality": "bold",
    "run_id": 2,
    "session_id": "01",
    "subject_id": "14",
    "task_id": "Localizer"
  },
  "dummy_trs": 2,
  "dvars_nstd": 31.980603444234248,
  "dvars_std": 1.1132804439339334,
  "dvars_vstd": 1.015834872972974,
  "efc": 0.5833940282881149,
  "fber": 1597.3311767578125,
  "fd_mean": 0.2354099601575737,
  "fd_num": 176,
  "fd_perc": 52.69461077844311,
  "fwhm_avg": 1.9354000000000002,
  "fwhm_x": 1.7951080000000001,
  "fwhm_y": 2.081916,
  "fwhm_z": 1.929176,
  "gcor": 0.0263324,
  "gsr_x": -0.007009450811892748,
  "gsr_y": 0.04053391516208649,
  "provenance": {
    "md5sum": "2a819b924bfd20345fcf29ddf42a7fe8",
    "settings": {
      "fd_thres": 0.2,
      "testing": false
    },
    "software": "mriqc",
    "version": "22.0.6",
    "webapi_port": null,
    "webapi_url": "https://mriqc.nimh.nih.gov/api/v1"
  },
  "size_t": 334,
  "size_x": 84,
  "size_y": 84,
  "size_z": 52,
  "snr": 4.759836817061325,
  "spacing_tr": 1.0,
  "spacing_x": 2.5,
  "spacing_y": 2.5,
  "spacing_z": 2.5,
  "summary_bg_k": 14.694173656783846,
  "summary_bg_mad": 80.80206975841497,
  "summary_bg_mean": 259.0840759277344,
  "summary_bg_median": 95.37017059326172,
  "summary_bg_n": 208815.0,
  "summary_bg_p05": 32.98544425964356,
  "summary_bg_p95": 1072.1728881835918,
  "summary_bg_stdv": 419.3599548339844,
  "summary_fg_k": 2.3288271551853246,
  "summary_fg_mad": 764.5749959831944,
  "summary_fg_mean": 4133.52197265625,
  "summary_fg_median": 3999.7958984375,
  "summary_fg_n": 94694.0,
  "summary_fg_p05": 3058.2903564453127,
  "summary_fg_p95": 5646.573706054686,
  "summary_fg_stdv": 840.317626953125,
  "tsnr": 39.593265533447266
}