{
  "aor": 0.0003605917159763313,
  "aqi": 0.005548173816568048,
  "bids_meta": {
    "AcquisitionNumber": 1,
    "AcquisitionTime": "09:27:57.815000",
    "BrainVoyagerInfo": {
      "AcquisitionTime": "092757.815000",
      "CalculatedDicomSlice1CenterX": -4.843556880950928,
      "CalculatedDicomSlice1CenterY": -36.076148986816406,
      "CalculatedDicomSlice1CenterZ": -85.58018493652344,
      "CalculatedDicomSliceNCenterX": -11.923356056213379,
      "CalculatedDicomSliceNCenterY": 21.999021530151367,
      "CalculatedDicomSliceNCenterZ": 27.70442771911621,
      "CoordinateSystem": 1,
      "DataStorageFormat": 2,
      "DataType": 2,
      "DicomColDirX": 0.06443273276090622,
      "DicomColDirY": 0.8896595239639282,
      "DicomColDirZ": -0.4520557224750519,
      "DicomFoVCols": 210,
      "DicomFoVRows": 210,
      "DicomGapThickness": 0,
      "DicomNCols": 84,
      "DicomNRows": 84,
      "DicomPosInfoPresent": 1,
      "DicomRowDirX": 0.9963759779930115,
      "DicomRowDirY": -0.03214724361896515,
      "DicomRowDirZ": 0.07874942570924759,
      "DicomSliceThickness": 2.5,
      "DocumentType": "FMR",
      "MultiBandSequence": true,
      "NrOfPastSpatialTransformations": 0,
      "NrOfPreprocessingSteps": 0,
      "NrOfSkippedVolumes": 0,
      "Protocol": {
        "Conditions": [
          {
            "ColorB": 255,
            "ColorG": 128,
            "ColorR": 0,
            "IntervalsFrom": [
              66,
              132,
              180,
              277
            ],
            "IntervalsTo": [
              82,
              147,
              195,
              292
            ],
            "Name": "Body",
            "NrOfIntervals": 4
          },
          {
            "ColorB": 255,
            "ColorG": 0,
            "ColorR": 255,
            "IntervalsFrom": [
              49,
              148,
              196,
              261
            ],
            "IntervalsTo": [
              65,
              163,
              211,
              276
            ],
            "Name": "Face",
            "NrOfIntervals": 4
          },
          {
            "ColorB": 0,
            "ColorG": 168,
            "ColorR": 0,
            "IntervalsFrom": [
              17,
              116,
              212,
              309
            ],
            "IntervalsTo": [
              32,
              131,
              228,
              324
            ],
            "Name": "Hand",
            "NrOfIntervals": 4
          },
          {
            "ColorB": 102,
            "ColorG": 102,
            "ColorR": 102,
            "IntervalsFrom": [
              33,
              99,
              229,
              293
            ],
            "IntervalsTo": [
              48,
              115,
              244,
              308
            ],
            "Name": "Scrambled",
            "NrOfIntervals": 4
          }
        ],
        "FileName": "sub-12_ses-01_Localizer_run-2.prt",
        "Name": "newbi4fmri_Localizer",
        "NrOfConditions": 4,
        "TimeCourseColors": {
          "RefTCPenThick": 3,
          "RefTimeCourseB": 80,
          "RefTimeCourseG": 0,
          "RefTimeCourseR": 0,
          "TCBackColorB": 0,
          "TCBackColorG": 0,
          "TCBackColorR": 0,
          "TCPenThick": 3,
          "TCTextColorB": 255,
          "TCTextColorG": 255,
          "TCTextColorR": 255,
          "TimeCourseB": 255,
          "TimeCourseG": 255,
          "TimeCourseR": 255
        },
        "TimeResolution": "Volumes"
      },
      "SliceAcquisitionOrder": 5,
      "SliceAcquisitionOrderVerified": true,
      "SliceGap": 0,
      "SliceThickness": 2.5,
      "SliceTimingTable": [
        0,
        0.53,
        0.0775,
        0.605,
        0.1525,
        0.68,
        0.2275,
        0.755,
        0.3025,
        0.83,
        0.3775,
        0.905,
        0.4525,
        0,
        0.53,
        0.0775,
        0.605,
        0.1525,
        0.68,
        0.2275,
        0.755,
        0.3025,
        0.83,
        0.3775,
        0.905,
        0.4525,
        0,
        0.53,
        0.0775,
        0.605,
        0.1525,
        0.68,
        0.2275,
        0.755,
        0.3025,
        0.83,
        0.3775,
        0.905,
        0.4525,
        0,
        0.53,
        0.0775,
        0.605,
        0.1525,
        0.68,
        0.2275,
        0.755,
        0.3025,
        0.83,
        0.3775,
        0.905,
        0.4525
      ],
      "SliceTimingTableSize": 52,
      "TE": 0.028,
      "TR": 1,
      "TimeResolutionVerified": true,
      "Version": 1,
      "VoxelResolutionVerified": true
    },
    "ConversionSoftware": "BrainVoyager",
    "ConversionSoftwareVersion": "21.4.5.4030",
    "ImageNumber": 1,
    "ImageOrientationPatientDICOM": [
      0.99637597481665,
      -0.0321472430344,
      0.07874942268653,
      0.06443273417397,
      0.88965950654045,
      -0.4520557323927
    ],
    "ImagePositionPatientDICOM": [
      -894.59687865675,
      -755.31459669419,
      227.53047092952
    ],
    "ImageType": "ORIGINAL PRIMARY M MB ND NORM MOSAIC",
    "MagneticFieldStrength": 3,
    "Manufacturer": "SIEMENS",
    "ManufacturersModelName": "Prisma_fit",
    "Modality": "MR",
    "NrOfTemporalPositions": 0,
    "PatientPosition": "HFS",
    "RepetitionTime": 1,
    "SeriesDescription": "ep_mb4_localizer",
    "SeriesNumber": 4,
    "SiemensMosaicSliceAcqOrder": 3,
    "SiemensMosaicTE": 0.028,
    "SiemensMosaicTR": 1,
    "SliceThickness": 2.5,
    "SliceTiming": [
      0,
      0.53,
      0.0775,
      0.605,
      0.1525,
      0.68,
      0.2275,
      0.755,
      0.3025,
      0.83,
      0.3775,
      0.905,
      0.4525,
      0,
      0.53,
      0.0775,
      0.605,
      0.1525,
      0.68,
      0.2275,
      0.755,
      0.3025,
      0.83,
      0.3775,
      0.905,
      0.4525,
      0,
      0.53,
      0.0775,
      0.605,
      0.1525,
      0.68,
      0.2275,
      0.755,
      0.3025,
      0.83,
      0.3775,
      0.905,
      0.4525,
      0,
      0.53,
      0.0775,
      0.605,
      0.1525,
      0.68,
      0.2275,
      0.755,
      0.3025,
      0.83,
      0.3775,
      0.905,
      0.4525
    ],
    "StudyDescription": "newbi4fmri_Localizer",
    "TaskName": "newbi4fmri_Localizer",
    "dataset": "ds003433",
    "modality": "bold",
    "run_id": 2,
    "session_id": "01",
    "subject_id": "12",
    "task_id": "Localizer"
  },
  "dummy_trs": 2,
  "dvars_nstd": 26.844354103442136,
  "dvars_std": 1.2327003626706226,
  "dvars_vstd": 1.003993772284867,
  "efc": 0.5013720170485743,
  "fber": 3726.441162109375,
  "fd_mean": 0.08956226441333084,
  "fd_num": 0,
  "fd_perc": 0.0,
  "fwhm_avg": 1.9434985452303684,
  "fwhm_x": 1.8941238193622763,
  "fwhm_y": 2.01044,
  "fwhm_z": 1.925931816328829,
  "gcor": 0.00828496,
  "gsr_x": -0.010863050818443298,
  "gsr_y": 0.029207764193415642,
  "provenance": {
    "md5sum": "3eb6046e3fbc0c55ce0bb8ca486d8fe2",
    "settings": {
      "fd_thres": 0.2,
      "testing": false
    },
    "software": "mriqc",
    "version": "22.0.6",
    "webapi_port": null,
    "webapi_url": "https://mriqc.nimh.nih.gov/api/v1"
  },
  "size_t": 338,
  "size_x": 84,
  "size_y": 84,
  "size_z": 52,
  "snr": 5.616804288248246,
  "spacing_tr": 1.0,
  "spacing_x": 2.500000238418579,
  "spacing_y": 2.5,
  "spacing_z": 2.500000238418579,
  "summary_bg_k": 34.1660814118594,
  "summary_bg_mad": 38.94998569177276,
  "summary_bg_mean": 140.35870361328125,
  "summary_bg_median": 61.203495025634766,
  "summary_bg_n": 235559.0,
  "summary_bg_p05": 29.097957420349122,
  "summary_bg_p95": 483.7681945800773,
  "summary_bg_stdv": 242.5740509033203,
  "summary_fg_k": 3.6669574779206746,
  "summary_fg_mad": 607.5215964729281,
  "summary_fg_mean": 3902.2568359375,
  "summary_fg_median": 3815.7958984375,
  "summary_fg_n": 70929.0,
  "summary_fg_p05": 3012.317529296875,
  "summary_fg_p95": 5041.434570312499,
  "summary_fg_stdv": 679.3487548828125,
  "tsnr": 65.27816772460938
}